{
  "aor": 0.001633351498637602,
  "aqi": 0.013881983978201637,
  "bids_meta": {
    "AcquisitionMatrixPE": 96,
    "AcquisitionNumber": 1,
    "AcquisitionTime": "15:29:35.875000",
    "BandwidthPerPixelPhaseEncode": 21.259,
    "BaseResolution": 96,
    "BodyPartExamined": "BRAIN",
    "ConsistencyInfo": "N4_VE11C_LATEST_20160120",
    "ConversionSoftware": "dcm2niix",
    "ConversionSoftwareVersion": "v1.0.20180328 (OpenJPEG build) Clang8.1.0",
    "DerivedVendorReportedEchoSpacing": 0.000489989,
    "DeviceSerialNumber": "167047",
    "DwellTime": 2e-06,
    "EchoTime": 0.03,
    "EchoTrainLength": 96,
    "EffectiveEchoSpacing": 0.000489989,
    "FlipAngle": 52,
    "ImageComments": "Unaliased_MB4_PE3_LB",
    "ImageOrientationPatientDICOM": [
      0.999268,
      -0.00126896,
      -0.0382435,
      -0.00331375,
      0.992825,
      -0.119529
    ],
    "ImageType": [
      "ORIGINAL",
      "PRIMARY",
      "M",
      "MB",
      "ND",
      "NORM",
      "MOSAIC"
    ],
    "InPlanePhaseEncodingDirectionDICOM": "COL",
    "InstitutionAddress": "South_Kingshighway_510_Saint_Louis_MO_US_63110",
    "InstitutionName": "Center_for_Clinical_Imaging_Research",
    "InstitutionalDepartmentName": "WP-MR30A",
    "MRAcquisitionType": "2D",
    "MagneticFieldStrength": 3,
    "Manufacturer": "Siemens",
    "ManufacturersModelName": "Prisma_fit",
    "Modality": "MR",
    "MultibandAccelerationFactor": 4,
    "PartialFourier": 1,
    "PatientPosition": "HFS",
    "PercentPhaseFOV": 100,
    "PhaseEncodingDirection": "j-",
    "PhaseEncodingSteps": 96,
    "PhaseResolution": 1,
    "PixelBandwidth": 2605,
    "ProcedureStepDescription": "CCIR-00900_CCIR-0987_Braver",
    "ProtocolName": "CMRR_fMRI_TASK_AP_2.4mm_368meas",
    "PulseSequenceDetails": "%CustomerSeq%_cmrr_mbep2d_bold",
    "ReceiveCoilActiveElements": "HEA;HEP",
    "ReceiveCoilName": "Head_32",
    "ReconMatrixPE": 96,
    "RepetitionTime": 1.2,
    "SAR": 0.044071,
    "ScanOptions": "FS_EXT",
    "ScanningSequence": "EP",
    "SequenceName": "epfid2d1_96",
    "SequenceVariant": "SK_SS",
    "SeriesDescription": "CMRR_fMRI_TASK_AP_2.4mm_368meas",
    "SeriesNumber": 18,
    "ShimSetting": [
      4608,
      7714,
      1602,
      416,
      7,
      95,
      -35,
      -18
    ],
    "SliceThickness": 2.4,
    "SliceTiming": [
      0,
      0.6275,
      0.0775,
      0.7075,
      0.155,
      0.785,
      0.235,
      0.865,
      0.3125,
      0.9425,
      0.3925,
      1.0225,
      0.47,
      1.1,
      0.55,
      0,
      0.6275,
      0.0775,
      0.7075,
      0.155,
      0.785,
      0.235,
      0.865,
      0.3125,
      0.9425,
      0.3925,
      1.0225,
      0.47,
      1.1,
      0.55,
      0,
      0.6275,
      0.0775,
      0.7075,
      0.155,
      0.785,
      0.235,
      0.865,
      0.3125,
      0.9425,
      0.3925,
      1.0225,
      0.47,
      1.1,
      0.55,
      0,
      0.6275,
      0.0775,
      0.7075,
      0.155,
      0.785,
      0.235,
      0.865,
      0.3125,
      0.9425,
      0.3925,
      1.0225,
      0.47,
      1.1,
      0.55
    ],
    "SoftwareVersions": "syngo_MR_E11",
    "SpacingBetweenSlices": 2.4,
    "StationName": "CCIRWP-MR30A",
    "TaskName": "reward",
    "TotalReadoutTime": 0.0465489,
    "TxRefAmp": 239.132,
    "acq_id": "multiband2p4flatAP",
    "dataset": "ds001399",
    "modality": "bold",
    "run_id": 1,
    "session_id": "01",
    "subject_id": "MOCCAG002",
    "task_id": "reward"
  },
  "dummy_trs": 1,
  "dvars_nstd": 35.70001088346994,
  "dvars_std": 1.2843467678415292,
  "dvars_vstd": 1.0035021874590169,
  "efc": 0.461273315618463,
  "fber": 4390.23974609375,
  "fd_mean": 0.12687116449273178,
  "fd_num": 41,
  "fd_perc": 11.1716621253406,
  "fwhm_avg": 1.864352916404319,
  "fwhm_x": 1.7696390152229315,
  "fwhm_y": 1.96246545640184,
  "fwhm_z": 1.8609542775881853,
  "gcor": 0.00898529,
  "gsr_x": -0.014496935531497002,
  "gsr_y": 0.016649900004267693,
  "provenance": {
    "md5sum": "7cf7ebbd1481dfe4affb5427ae57a70d",
    "settings": {
      "fd_thres": 0.2,
      "testing": false
    },
    "software": "mriqc",
    "version": "22.0.6",
    "webapi_port": null,
    "webapi_url": "https://mriqc.nimh.nih.gov/api/v1"
  },
  "size_t": 367,
  "size_x": 96,
  "size_y": 96,
  "size_z": 60,
  "snr": 5.852561798517743,
  "spacing_tr": 1.2000000476837158,
  "spacing_x": 2.3958332538604736,
  "spacing_y": 2.3958332538604736,
  "spacing_z": 2.3999998569488525,
  "summary_bg_k": 21.308798561563982,
  "summary_bg_mad": 53.60798897612015,
  "summary_bg_mean": 230.74815368652344,
  "summary_bg_median": 76.09536743164062,
  "summary_bg_n": 398961.0,
  "summary_bg_p05": 32.44414138793945,
  "summary_bg_p95": 1062.438720703125,
  "summary_bg_stdv": 437.5528869628906,
  "summary_fg_k": 3.4390282869483126,
  "summary_fg_mad": 767.785973590705,
  "summary_fg_mean": 5119.73828125,
  "summary_fg_median": 5078.455078125,
  "summary_fg_n": 82778.0,
  "summary_fg_p05": 3962.787548828125,
  "summary_fg_p95": 6476.898901367187,
  "summary_fg_stdv": 867.7267456054688,
  "tsnr": 47.713246224448085
}