{
  "aor": 0.0005011085972850679,
  "aqi": 0.008137940135746606,
  "bids_meta": {
    "AcquisitionMatrixPE": 76,
    "AcquisitionNumber": 1,
    "AcquisitionTime": "15:46:51.135000",
    "BandwidthPerPixelPhaseEncode": 26.853,
    "BaseResolution": 76,
    "BodyPartExamined": "BRAIN",
    "ConsistencyInfo": "N4_VE11C_LATEST_20160120",
    "ConversionSoftware": "dcm2niix",
    "ConversionSoftwareVersion": "v1.0.20180328 (OpenJPEG build) Clang8.1.0",
    "DerivedVendorReportedEchoSpacing": 0.000489997,
    "DeviceSerialNumber": "167047",
    "DwellTime": 2.5e-06,
    "EchoTime": 0.03,
    "EchoTrainLength": 76,
    "EffectiveEchoSpacing": 0.000489997,
    "FlipAngle": 52,
    "ImageComments": "Unaliased_MB4_PE3_LB",
    "ImageOrientationPatientDICOM": [
      0.999268,
      -0.00126896,
      -0.0382435,
      -0.00331375,
      0.992825,
      -0.119529
    ],
    "ImageType": [
      "ORIGINAL",
      "PRIMARY",
      "M",
      "MB",
      "ND",
      "NORM",
      "MOSAIC"
    ],
    "InPlanePhaseEncodingDirectionDICOM": "COL",
    "InstitutionAddress": "South_Kingshighway_510_Saint_Louis_MO_US_63110",
    "InstitutionName": "Center_for_Clinical_Imaging_Research",
    "InstitutionalDepartmentName": "WP-MR30A",
    "MRAcquisitionType": "2D",
    "MagneticFieldStrength": 3,
    "Manufacturer": "Siemens",
    "ManufacturersModelName": "Prisma_fit",
    "Modality": "MR",
    "MultibandAccelerationFactor": 4,
    "PartialFourier": 1,
    "PatientPosition": "HFS",
    "PercentPhaseFOV": 100,
    "PhaseEncodingDirection": "j-",
    "PhaseEncodingSteps": 76,
    "PhaseResolution": 1,
    "PixelBandwidth": 2630,
    "ProcedureStepDescription": "CCIR-00900_CCIR-0987_Braver",
    "ProtocolName": "CMRR_fMRI_TASK_AP_3mm_442meas",
    "PulseSequenceDetails": "%CustomerSeq%_cmrr_mbep2d_bold",
    "ReceiveCoilActiveElements": "HEA;HEP",
    "ReceiveCoilName": "Head_32",
    "ReconMatrixPE": 76,
    "RepetitionTime": 1,
    "SAR": 0.0458752,
    "ScanOptions": "FS_EXT",
    "ScanningSequence": "EP",
    "SequenceName": "epfid2d1_76",
    "SequenceVariant": "SK_SS",
    "SeriesDescription": "CMRR_fMRI_TASK_AP_3mm_442meas",
    "SeriesNumber": 26,
    "ShimSetting": [
      4609,
      7711,
      1604,
      430,
      9,
      65,
      -33,
      -16
    ],
    "SliceThickness": 3,
    "SliceTiming": [
      0,
      0.5275,
      0.075,
      0.6025,
      0.15,
      0.6775,
      0.2275,
      0.755,
      0.3025,
      0.83,
      0.3775,
      0.905,
      0.4525,
      0,
      0.5275,
      0.075,
      0.6025,
      0.15,
      0.6775,
      0.2275,
      0.755,
      0.3025,
      0.83,
      0.3775,
      0.905,
      0.4525,
      0,
      0.5275,
      0.075,
      0.6025,
      0.15,
      0.6775,
      0.2275,
      0.755,
      0.3025,
      0.83,
      0.3775,
      0.905,
      0.4525,
      0,
      0.5275,
      0.075,
      0.6025,
      0.15,
      0.6775,
      0.2275,
      0.755,
      0.3025,
      0.83,
      0.3775,
      0.905,
      0.4525
    ],
    "SoftwareVersions": "syngo_MR_E11",
    "SpacingBetweenSlices": 3,
    "StationName": "CCIRWP-MR30A",
    "TaskName": "reward",
    "TotalReadoutTime": 0.0367498,
    "TxRefAmp": 239.132,
    "acq_id": "multiband3p0flatAP",
    "dataset": "ds001399",
    "modality": "bold",
    "run_id": 3,
    "session_id": "01",
    "subject_id": "MOCCAG002",
    "task_id": "reward"
  },
  "dummy_trs": 0,
  "dvars_nstd": 24.322326525873013,
  "dvars_std": 1.3269421991156463,
  "dvars_vstd": 0.9989723614285712,
  "efc": 0.43571419469230155,
  "fber": 8541.6357421875,
  "fd_mean": 0.10788196451566046,
  "fd_num": 20,
  "fd_perc": 4.524886877828054,
  "fwhm_avg": 1.6186344444444447,
  "fwhm_x": 1.5305666666666669,
  "fwhm_y": 1.7072833333333335,
  "fwhm_z": 1.6180533333333333,
  "gcor": 0.0215342,
  "gsr_x": -0.01141388900578022,
  "gsr_y": 0.015573444776237011,
  "provenance": {
    "md5sum": "0cdea81cb5fa0666a5525aa404647a26",
    "settings": {
      "fd_thres": 0.2,
      "testing": false
    },
    "software": "mriqc",
    "version": "22.0.6",
    "webapi_port": null,
    "webapi_url": "https://mriqc.nimh.nih.gov/api/v1"
  },
  "size_t": 442,
  "size_x": 76,
  "size_y": 76,
  "size_z": 52,
  "snr": 7.155449798812308,
  "spacing_tr": 1.0,
  "spacing_x": 3.0,
  "spacing_y": 3.0,
  "spacing_z": 3.0,
  "summary_bg_k": 22.145477470567652,
  "summary_bg_mad": 42.54599058898448,
  "summary_bg_mean": 186.25071716308594,
  "summary_bg_median": 52.714935302734375,
  "summary_bg_n": 215000.0,
  "summary_bg_p05": 19.57013702392578,
  "summary_bg_p95": 877.3732208251901,
  "summary_bg_stdv": 379.1990051269531,
  "summary_fg_k": 2.836438790293622,
  "summary_fg_mad": 623.6224538663769,
  "summary_fg_mean": 4901.1474609375,
  "summary_fg_median": 4872.20361328125,
  "summary_fg_n": 38723.0,
  "summary_fg_p05": 3940.9446044921874,
  "summary_fg_p95": 5988.538525390625,
  "summary_fg_stdv": 680.8992919921875,
  "tsnr": 72.08166347444057
}