{
  "aor": 0.0004680978260869565,
  "aqi": 0.010649770489130435,
  "bids_meta": {
    "AcquisitionMatrixPE": 96,
    "AcquisitionNumber": 1,
    "AcquisitionTime": "16:03:23.862500",
    "BandwidthPerPixelPhaseEncode": 21.259,
    "BaseResolution": 96,
    "BodyPartExamined": "BRAIN",
    "ConsistencyInfo": "N4_VE11C_LATEST_20160120",
    "ConversionSoftware": "dcm2niix",
    "ConversionSoftwareVersion": "v1.0.20180328 (OpenJPEG build) Clang8.1.0",
    "DerivedVendorReportedEchoSpacing": 0.000489989,
    "DeviceSerialNumber": "167047",
    "DwellTime": 2e-06,
    "EchoTime": 0.03,
    "EchoTrainLength": 96,
    "EffectiveEchoSpacing": 0.000489989,
    "FlipAngle": 52,
    "ImageComments": "Unaliased_MB4_PE3_LB",
    "ImageOrientationPatientDICOM": [
      0.999272,
      -0.00155205,
      -0.0381198,
      -0.0216297,
      0.800028,
      -0.599573
    ],
    "ImageType": [
      "ORIGINAL",
      "PRIMARY",
      "M",
      "MB",
      "ND",
      "NORM",
      "MOSAIC"
    ],
    "InPlanePhaseEncodingDirectionDICOM": "COL",
    "InstitutionAddress": "South_Kingshighway_510_Saint_Louis_MO_US_63110",
    "InstitutionName": "Center_for_Clinical_Imaging_Research",
    "InstitutionalDepartmentName": "WP-MR30A",
    "MRAcquisitionType": "2D",
    "MagneticFieldStrength": 3,
    "Manufacturer": "Siemens",
    "ManufacturersModelName": "Prisma_fit",
    "Modality": "MR",
    "MultibandAccelerationFactor": 4,
    "PartialFourier": 1,
    "PatientPosition": "HFS",
    "PercentPhaseFOV": 100,
    "PhaseEncodingDirection": "j-",
    "PhaseEncodingSteps": 96,
    "PhaseResolution": 1,
    "PixelBandwidth": 2605,
    "ProcedureStepDescription": "CCIR-00900_CCIR-0987_Braver",
    "ProtocolName": "CMRR_fMRI_TASK_AP_30degree_2.4mm_368meas",
    "PulseSequenceDetails": "%CustomerSeq%_cmrr_mbep2d_bold",
    "ReceiveCoilActiveElements": "HEA;HEP",
    "ReceiveCoilName": "Head_32",
    "ReconMatrixPE": 96,
    "RepetitionTime": 1.2,
    "SAR": 0.0470091,
    "ScanOptions": "FS_EXT",
    "ScanningSequence": "EP",
    "SequenceName": "epfid2d1_96",
    "SequenceVariant": "SK_SS",
    "SeriesDescription": "CMRR_fMRI_TASK_AP_30degree_2.4mm_368meas",
    "SeriesNumber": 34,
    "ShimSetting": [
      4611,
      7710,
      1613,
      460,
      10,
      72,
      -45,
      -21
    ],
    "SliceThickness": 2.4,
    "SliceTiming": [
      0,
      0.5175,
      1.0325,
      0.37,
      0.885,
      0.2225,
      0.7375,
      0.075,
      0.59,
      1.1075,
      0.4425,
      0.96,
      0.295,
      0.8125,
      0.1475,
      0.665,
      0,
      0.5175,
      1.0325,
      0.37,
      0.885,
      0.2225,
      0.7375,
      0.075,
      0.59,
      1.1075,
      0.4425,
      0.96,
      0.295,
      0.8125,
      0.1475,
      0.665,
      0,
      0.5175,
      1.0325,
      0.37,
      0.885,
      0.2225,
      0.7375,
      0.075,
      0.59,
      1.1075,
      0.4425,
      0.96,
      0.295,
      0.8125,
      0.1475,
      0.665,
      0,
      0.5175,
      1.0325,
      0.37,
      0.885,
      0.2225,
      0.7375,
      0.075,
      0.59,
      1.1075,
      0.4425,
      0.96,
      0.295,
      0.8125,
      0.1475,
      0.665
    ],
    "SoftwareVersions": "syngo_MR_E11",
    "SpacingBetweenSlices": 2.4,
    "StationName": "CCIRWP-MR30A",
    "TaskName": "reward",
    "TotalReadoutTime": 0.0465489,
    "TxRefAmp": 239.132,
    "acq_id": "multiband2p4tiltAP",
    "dataset": "ds001399",
    "modality": "bold",
    "run_id": 5,
    "session_id": "01",
    "subject_id": "MOCCAG002",
    "task_id": "reward"
  },
  "dummy_trs": 0,
  "dvars_nstd": 37.96715224460491,
  "dvars_std": 1.3411723978746593,
  "dvars_vstd": 0.9954848198365119,
  "efc": 0.4484665738214864,
  "fber": 4983.04443359375,
  "fd_mean": 0.11835045128306887,
  "fd_num": 16,
  "fd_perc": 4.3478260869565215,
  "fwhm_avg": 1.8117430003597736,
  "fwhm_x": 1.7523590146497316,
  "fwhm_y": 1.8211200604088846,
  "fwhm_z": 1.8617499260207049,
  "gcor": 0.0162863,
  "gsr_x": -0.011393044143915176,
  "gsr_y": 0.025543998926877975,
  "provenance": {
    "md5sum": "3a278c5bfc560b9b172b11f35f8db9c5",
    "settings": {
      "fd_thres": 0.2,
      "testing": false
    },
    "software": "mriqc",
    "version": "22.0.6",
    "webapi_port": null,
    "webapi_url": "https://mriqc.nimh.nih.gov/api/v1"
  },
  "size_t": 368,
  "size_x": 96,
  "size_y": 96,
  "size_z": 64,
  "snr": 5.802073797793141,
  "spacing_tr": 1.2000000476837158,
  "spacing_x": 2.3958332538604736,
  "spacing_y": 2.3958332538604736,
  "spacing_z": 2.4000000953674316,
  "summary_bg_k": 25.4048650015223,
  "summary_bg_mad": 47.08067977959911,
  "summary_bg_mean": 217.46080017089844,
  "summary_bg_median": 71.74728393554688,
  "summary_bg_n": 433860.0,
  "summary_bg_p05": 31.603261947631836,
  "summary_bg_p95": 992.9379089355468,
  "summary_bg_stdv": 419.73822021484375,
  "summary_fg_k": 3.5890158751658783,
  "summary_fg_mad": 759.748937540974,
  "summary_fg_mean": 5105.8798828125,
  "summary_fg_median": 5063.84521484375,
  "summary_fg_n": 83239.0,
  "summary_fg_p05": 3932.59365234375,
  "summary_fg_p95": 6456.457714843749,
  "summary_fg_stdv": 872.7594604492188,
  "tsnr": 54.20186380506493
}