{
  "aor": 0.000649344262295082,
  "aqi": 0.012000690081967214,
  "bids_meta": {
    "AcquisitionMatrixPE": 96,
    "AcquisitionNumber": 1,
    "AcquisitionTime": "16:11:32.815000",
    "BandwidthPerPixelPhaseEncode": 21.259,
    "BaseResolution": 96,
    "BodyPartExamined": "BRAIN",
    "ConsistencyInfo": "N4_VE11C_LATEST_20160120",
    "ConversionSoftware": "dcm2niix",
    "ConversionSoftwareVersion": "v1.0.20180328 (OpenJPEG build) Clang8.1.0",
    "DerivedVendorReportedEchoSpacing": 0.000489989,
    "DeviceSerialNumber": "167047",
    "DwellTime": 2e-06,
    "EchoTime": 0.03,
    "EchoTrainLength": 96,
    "EffectiveEchoSpacing": 0.000489989,
    "FlipAngle": 52,
    "ImageComments": "Unaliased_MB4_PE3_LB",
    "ImageOrientationPatientDICOM": [
      0.999272,
      -0.00155205,
      -0.0381198,
      -0.0216297,
      0.800028,
      -0.599573
    ],
    "ImageType": [
      "ORIGINAL",
      "PRIMARY",
      "M",
      "MB",
      "ND",
      "NORM",
      "MOSAIC"
    ],
    "InPlanePhaseEncodingDirectionDICOM": "COL",
    "InstitutionAddress": "South_Kingshighway_510_Saint_Louis_MO_US_63110",
    "InstitutionName": "Center_for_Clinical_Imaging_Research",
    "InstitutionalDepartmentName": "WP-MR30A",
    "MRAcquisitionType": "2D",
    "MagneticFieldStrength": 3,
    "Manufacturer": "Siemens",
    "ManufacturersModelName": "Prisma_fit",
    "Modality": "MR",
    "MultibandAccelerationFactor": 4,
    "PartialFourier": 1,
    "PatientPosition": "HFS",
    "PercentPhaseFOV": 100,
    "PhaseEncodingDirection": "j",
    "PhaseEncodingSteps": 96,
    "PhaseResolution": 1,
    "PixelBandwidth": 2605,
    "ProcedureStepDescription": "CCIR-00900_CCIR-0987_Braver",
    "ProtocolName": "CMRR_fMRI_TASK_PA_30degree_2.4mm_368meas",
    "PulseSequenceDetails": "%CustomerSeq%_cmrr_mbep2d_bold",
    "ReceiveCoilActiveElements": "HEA;HEP",
    "ReceiveCoilName": "Head_32",
    "ReconMatrixPE": 96,
    "RepetitionTime": 1.2,
    "SAR": 0.0470091,
    "ScanOptions": "FS_EXT",
    "ScanningSequence": "EP",
    "SequenceName": "epfid2d1_96",
    "SequenceVariant": "SK_SS",
    "SeriesDescription": "CMRR_fMRI_TASK_PA_30degree_2.4mm_368meas",
    "SeriesNumber": 37,
    "ShimSetting": [
      4611,
      7710,
      1613,
      460,
      10,
      72,
      -45,
      -21
    ],
    "SliceThickness": 2.4,
    "SliceTiming": [
      0,
      0.515,
      1.0325,
      0.3675,
      0.885,
      0.22,
      0.7375,
      0.0725,
      0.59,
      1.105,
      0.4425,
      0.9575,
      0.295,
      0.81,
      0.1475,
      0.6625,
      0,
      0.515,
      1.0325,
      0.3675,
      0.885,
      0.22,
      0.7375,
      0.0725,
      0.59,
      1.105,
      0.4425,
      0.9575,
      0.295,
      0.81,
      0.1475,
      0.6625,
      0,
      0.515,
      1.0325,
      0.3675,
      0.885,
      0.22,
      0.7375,
      0.0725,
      0.59,
      1.105,
      0.4425,
      0.9575,
      0.295,
      0.81,
      0.1475,
      0.6625,
      0,
      0.515,
      1.0325,
      0.3675,
      0.885,
      0.22,
      0.7375,
      0.0725,
      0.59,
      1.105,
      0.4425,
      0.9575,
      0.295,
      0.81,
      0.1475,
      0.6625
    ],
    "SoftwareVersions": "syngo_MR_E11",
    "SpacingBetweenSlices": 2.4,
    "StationName": "CCIRWP-MR30A",
    "TaskName": "reward",
    "TotalReadoutTime": 0.0465489,
    "TxRefAmp": 239.132,
    "acq_id": "multiband2p4tiltPA",
    "dataset": "ds001399",
    "modality": "bold",
    "run_id": 6,
    "session_id": "01",
    "subject_id": "MOCCAG002",
    "task_id": "reward"
  },
  "dummy_trs": 2,
  "dvars_nstd": 37.621036143068466,
  "dvars_std": 1.316174651205479,
  "dvars_vstd": 1.0082286013698631,
  "efc": 0.45834597059095084,
  "fber": 4741.2734375,
  "fd_mean": 0.08289530755355852,
  "fd_num": 0,
  "fd_perc": 0.0,
  "fwhm_avg": 1.7491292695363885,
  "fwhm_x": 1.665466490028265,
  "fwhm_y": 1.7498880580460279,
  "fwhm_z": 1.8320332605348724,
  "gcor": 0.0104111,
  "gsr_x": -0.017139971256256104,
  "gsr_y": 0.025079039856791496,
  "provenance": {
    "md5sum": "fa904324dcd156c453820c338668fb85",
    "settings": {
      "fd_thres": 0.2,
      "testing": false
    },
    "software": "mriqc",
    "version": "22.0.6",
    "webapi_port": null,
    "webapi_url": "https://mriqc.nimh.nih.gov/api/v1"
  },
  "size_t": 366,
  "size_x": 96,
  "size_y": 96,
  "size_z": 64,
  "snr": 6.094107641013505,
  "spacing_tr": 1.2000000476837158,
  "spacing_x": 2.3958332538604736,
  "spacing_y": 2.3958332538604736,
  "spacing_z": 2.4000000953674316,
  "summary_bg_k": 25.61194020908534,
  "summary_bg_mad": 48.5531979231093,
  "summary_bg_mean": 243.37562561035156,
  "summary_bg_median": 71.44261932373047,
  "summary_bg_n": 433504.0,
  "summary_bg_p05": 29.549179077148438,
  "summary_bg_p95": 1209.8068298339833,
  "summary_bg_stdv": 470.3011779785156,
  "summary_fg_k": 1.8818627379428898,
  "summary_fg_mad": 766.2903406886384,
  "summary_fg_mean": 4969.197265625,
  "summary_fg_median": 4916.53515625,
  "summary_fg_n": 82617.0,
  "summary_fg_p05": 3865.8703125,
  "summary_fg_p95": 6313.678906249999,
  "summary_fg_stdv": 806.7637939453125,
  "tsnr": 51.74308130051941
}