{
  "aor": 0.0007009502262443438,
  "aqi": 0.019000877601809952,
  "bids_meta": {
    "AcquisitionMatrixPE": 76,
    "AcquisitionNumber": 1,
    "AcquisitionTime": "15:54:52.952500",
    "BandwidthPerPixelPhaseEncode": 26.853,
    "BaseResolution": 76,
    "BodyPartExamined": "BRAIN",
    "ConsistencyInfo": "N4_VE11C_LATEST_20160120",
    "ConversionSoftware": "dcm2niix",
    "ConversionSoftwareVersion": "v1.0.20180328 (OpenJPEG build) Clang8.1.0",
    "DerivedVendorReportedEchoSpacing": 0.000489997,
    "DeviceSerialNumber": "167047",
    "DwellTime": 2.5e-06,
    "EchoTime": 0.03,
    "EchoTrainLength": 76,
    "EffectiveEchoSpacing": 0.000489997,
    "FlipAngle": 52,
    "ImageComments": "Unaliased_MB4_PE3_LB",
    "ImageOrientationPatientDICOM": [
      0.999268,
      -0.00126896,
      -0.0382435,
      -0.00331375,
      0.992825,
      -0.119529
    ],
    "ImageType": [
      "ORIGINAL",
      "PRIMARY",
      "M",
      "MB",
      "ND",
      "NORM",
      "MOSAIC"
    ],
    "InPlanePhaseEncodingDirectionDICOM": "COL",
    "InstitutionAddress": "South_Kingshighway_510_Saint_Louis_MO_US_63110",
    "InstitutionName": "Center_for_Clinical_Imaging_Research",
    "InstitutionalDepartmentName": "WP-MR30A",
    "MRAcquisitionType": "2D",
    "MagneticFieldStrength": 3,
    "Manufacturer": "Siemens",
    "ManufacturersModelName": "Prisma_fit",
    "Modality": "MR",
    "MultibandAccelerationFactor": 4,
    "PartialFourier": 1,
    "PatientPosition": "HFS",
    "PercentPhaseFOV": 100,
    "PhaseEncodingDirection": "j",
    "PhaseEncodingSteps": 76,
    "PhaseResolution": 1,
    "PixelBandwidth": 2630,
    "ProcedureStepDescription": "CCIR-00900_CCIR-0987_Braver",
    "ProtocolName": "CMRR_fMRI_TASK_PA_3mm_442meas",
    "PulseSequenceDetails": "%CustomerSeq%_cmrr_mbep2d_bold",
    "ReceiveCoilActiveElements": "HEA;HEP",
    "ReceiveCoilName": "Head_32",
    "ReconMatrixPE": 76,
    "RepetitionTime": 1,
    "SAR": 0.0458752,
    "ScanOptions": "FS_EXT",
    "ScanningSequence": "EP",
    "SequenceName": "epfid2d1_76",
    "SequenceVariant": "SK_SS",
    "SeriesDescription": "CMRR_fMRI_TASK_PA_3mm_442meas",
    "SeriesNumber": 29,
    "ShimSetting": [
      4609,
      7711,
      1604,
      430,
      9,
      65,
      -33,
      -16
    ],
    "SliceThickness": 3,
    "SliceTiming": [
      0,
      0.5275,
      0.075,
      0.6025,
      0.1525,
      0.68,
      0.2275,
      0.755,
      0.3025,
      0.83,
      0.3775,
      0.905,
      0.4525,
      0,
      0.5275,
      0.075,
      0.6025,
      0.1525,
      0.68,
      0.2275,
      0.755,
      0.3025,
      0.83,
      0.3775,
      0.905,
      0.4525,
      0,
      0.5275,
      0.075,
      0.6025,
      0.1525,
      0.68,
      0.2275,
      0.755,
      0.3025,
      0.83,
      0.3775,
      0.905,
      0.4525,
      0,
      0.5275,
      0.075,
      0.6025,
      0.1525,
      0.68,
      0.2275,
      0.755,
      0.3025,
      0.83,
      0.3775,
      0.905,
      0.4525
    ],
    "SoftwareVersions": "syngo_MR_E11",
    "SpacingBetweenSlices": 3,
    "StationName": "CCIRWP-MR30A",
    "TaskName": "reward",
    "TotalReadoutTime": 0.0367498,
    "TxRefAmp": 239.132,
    "acq_id": "multiband3p0flatPA",
    "dataset": "ds001399",
    "modality": "bold",
    "run_id": 4,
    "session_id": "01",
    "subject_id": "MOCCAG002",
    "task_id": "reward"
  },
  "dummy_trs": 0,
  "dvars_nstd": 23.426410430748298,
  "dvars_std": 1.1699703275963727,
  "dvars_vstd": 0.9177383942857148,
  "efc": 0.43643418571221115,
  "fber": 7979.19677734375,
  "fd_mean": 0.09100458949823158,
  "fd_num": 10,
  "fd_perc": 2.262443438914027,
  "fwhm_avg": 1.6713977777777778,
  "fwhm_x": 1.5780200000000002,
  "fwhm_y": 1.7640399999999998,
  "fwhm_z": 1.6721333333333332,
  "gcor": 0.00796529,
  "gsr_x": -0.010007469914853573,
  "gsr_y": 0.014825377613306046,
  "provenance": {
    "md5sum": "153addf774efc51e5815dd3cd433eaab",
    "settings": {
      "fd_thres": 0.2,
      "testing": false
    },
    "software": "mriqc",
    "version": "22.0.6",
    "webapi_port": null,
    "webapi_url": "https://mriqc.nimh.nih.gov/api/v1"
  },
  "size_t": 442,
  "size_x": 76,
  "size_y": 76,
  "size_z": 52,
  "snr": 6.964365110602618,
  "spacing_tr": 1.0,
  "spacing_x": 3.0,
  "spacing_y": 3.0,
  "spacing_z": 3.0,
  "summary_bg_k": 30.5472462299144,
  "summary_bg_mad": 45.81476074856488,
  "summary_bg_mean": 182.2715301513672,
  "summary_bg_median": 54.87104415893555,
  "summary_bg_n": 214926.0,
  "summary_bg_p05": 19.190046310424805,
  "summary_bg_p95": 836.1951751708984,
  "summary_bg_stdv": 359.65362548828125,
  "summary_fg_k": 1.8054938370775968,
  "summary_fg_mad": 641.1248336695066,
  "summary_fg_mean": 4799.4169921875,
  "summary_fg_median": 4768.5478515625,
  "summary_fg_n": 39085.0,
  "summary_fg_p05": 3803.163037109375,
  "summary_fg_p95": 5934.304394531249,
  "summary_fg_stdv": 684.697998046875,
  "tsnr": 47.74717862624675
}