{
  "bids_meta": {
    "AccelFactPE": 2,
    "AcquisitionNumber": 1,
    "AcquisitionTime": "11:39:30.257500",
    "BodyPartExamined": "BRAIN",
    "ConversionSoftware": "dcm2niix",
    "ConversionSoftwareVersion": "v1.0.20170624 (OpenJPEG build) MSC1900",
    "DeviceSerialNumber": "167047",
    "EchoTime": 0.409,
    "EchoTrainLength": 266,
    "FlipAngle": 120,
    "ImageType": [
      "ORIGINAL",
      "PRIMARY",
      "M",
      "NORM",
      "DIS2D"
    ],
    "InstitutionAddress": "South_Kingshighway_510_Saint_Louis_MO_US_63110",
    "InstitutionName": "CCIR_PRISMA",
    "MagneticFieldStrength": 3,
    "Manufacturer": "Siemens",
    "ManufacturersModelName": "Prisma_fit",
    "PhaseEncodingDirection": "i-",
    "PhaseEncodingLines": 320,
    "ProcedureStepDescription": "CCIR-00900_CCIR-0986_Braver",
    "ProtocolName": "t2_spc_sag_p2_iso_0.8",
    "RepetitionTime": 3,
    "ScanningSequence": "SE",
    "SequenceName": "_spcR_320ns",
    "SequenceVariant": "SK_SP",
    "SeriesDescription": "t2_spc_sag_p2_iso_0.8",
    "SoftwareVersions": "syngo_MR_E11",
    "dataset": "ds001399",
    "modality": "T2w",
    "session_id": "02",
    "subject_id": "MOCCAG001"
  },
  "cjv": 0.6645784291870618,
  "cnr": 1.4123700281033618,
  "efc": 0.5605238556987268,
  "fber": -1.0,
  "fwhm_avg": 2.6016794985670284,
  "fwhm_x": 2.487513574938382,
  "fwhm_y": 2.799974958277122,
  "fwhm_z": 2.517549962485582,
  "icvs_csf": 0.3654428445564364,
  "icvs_gm": 0.4674417167516217,
  "icvs_wm": 0.1671154386919419,
  "inu_med": 1.0148239135742188,
  "inu_range": 0.27581523358821847,
  "provenance": {
    "md5sum": "149d91fd57cb76839169751e00b7e8d6",
    "settings": {
      "testing": false
    },
    "software": "mriqc",
    "version": "22.0.6",
    "warnings": {
      "large_rot_frame": true,
      "small_air_mask": false
    },
    "webapi_port": null,
    "webapi_url": "https://mriqc.nimh.nih.gov/api/v1"
  },
  "qi_1": 0.04072681879488115,
  "qi_2": 0.022972785895808416,
  "rpve_csf": 13.951161804754596,
  "rpve_gm": 12.444435529342714,
  "rpve_wm": 35.706856928745395,
  "size_x": 224,
  "size_y": 320,
  "size_z": 320,
  "snr_csf": 13.193743318507313,
  "snr_gm": 11.957945506063925,
  "snr_total": 9.18153640559933,
  "snr_wm": 2.392920392226753,
  "snrd_csf": 100.66593053554544,
  "snrd_gm": 70.79518122687792,
  "snrd_total": 115.02281479650038,
  "snrd_wm": 173.6073326270778,
  "spacing_x": 0.7999996542930603,
  "spacing_y": 0.800000011920929,
  "spacing_z": 0.800000011920929,
  "summary_bg_k": 22.40642052347856,
  "summary_bg_mad": 0.0,
  "summary_bg_mean": 1.5807070594516184,
  "summary_bg_median": 0.0,
  "summary_bg_n": 2716594.0,
  "summary_bg_p05": 0.0,
  "summary_bg_p95": 10.431249065324664,
  "summary_bg_stdv": 3.7740885204305097,
  "summary_csf_k": 0.659900547853228,
  "summary_csf_mad": 41.730846686117744,
  "summary_csf_mean": 581.4076712618856,
  "summary_csf_median": 579.913027016446,
  "summary_csf_n": 76151.0,
  "summary_csf_p05": 512.2461833171546,
  "summary_csf_p95": 655.657274980098,
  "summary_csf_stdv": 43.953350110912616,
  "summary_gm_k": 0.14755796166279156,
  "summary_gm_mad": 34.08998743372999,
  "summary_gm_mean": 408.05948001613865,
  "summary_gm_median": 407.8345834091306,
  "summary_gm_n": 357311.0,
  "summary_gm_p05": 352.90327894873917,
  "summary_gm_p95": 464.07908549532294,
  "summary_gm_stdv": 34.10569252905405,
  "summary_wm_k": -0.26721007662997875,
  "summary_wm_mad": 359.52446876499505,
  "summary_wm_mean": 920.6162175961176,
  "summary_wm_median": 1000.1114899590611,
  "summary_wm_n": 81295.0,
  "summary_wm_p05": 45.19382017850876,
  "summary_wm_p95": 1415.6765952408314,
  "summary_wm_stdv": 417.94342263263485,
  "tpm_overlap_csf": 0.10572963328586948,
  "tpm_overlap_gm": 0.3228987693393392,
  "tpm_overlap_wm": 0.03694922775646446,
  "wm2max": 0.7190650942387857
}