{
  "bids_meta": {
    "AccelFactPE": 2,
    "AcquisitionNumber": 1,
    "AcquisitionTime": "11:32:54.975000",
    "BodyPartExamined": "BRAIN",
    "ConversionSoftware": "dcm2niix",
    "ConversionSoftwareVersion": "v1.0.20170624 (OpenJPEG build) MSC1900",
    "DeviceSerialNumber": "167047",
    "EchoTime": 0.00225,
    "FlipAngle": 8,
    "ImageType": [
      "ORIGINAL",
      "PRIMARY",
      "M",
      "NORM",
      "DIS2D"
    ],
    "InstitutionAddress": "South_Kingshighway_510_Saint_Louis_MO_US_63110",
    "InstitutionName": "CCIR_PRISMA",
    "InversionTime": 1,
    "MagneticFieldStrength": 3,
    "Manufacturer": "Siemens",
    "ManufacturersModelName": "Prisma_fit",
    "PhaseEncodingDirection": "i-",
    "PhaseEncodingLines": 300,
    "ProcedureStepDescription": "CCIR-00900_CCIR-0986_Braver",
    "ProtocolName": "T1_MPRAGE_sag_p2_iso_0.8",
    "RepetitionTime": 2.4,
    "ScanningSequence": "GR_IR",
    "SequenceName": "_tfl3d1_16ns",
    "SequenceVariant": "SK_SP_MP",
    "SeriesDescription": "T1_MPRAGE_sag_p2_iso_0.8",
    "SoftwareVersions": "syngo_MR_E11",
    "dataset": "ds001399",
    "modality": "T1w",
    "session_id": "02",
    "subject_id": "MOCCAG001"
  },
  "cjv": 0.32883073175389854,
  "cnr": 4.004062923115816,
  "efc": 0.5226957537771877,
  "fber": 27985.71263003837,
  "fwhm_avg": 4.555700265241479,
  "fwhm_x": 4.471150932754771,
  "fwhm_y": 4.547212432241254,
  "fwhm_z": 4.6487374307284135,
  "icvs_csf": 0.20392214933555014,
  "icvs_gm": 0.45854331026621553,
  "icvs_wm": 0.33753454039823433,
  "inu_med": 0.46120479702949524,
  "inu_range": 0.18153203725814815,
  "provenance": {
    "md5sum": "bc54bf09aabf2b19d747e1dd185fadbf",
    "settings": {
      "testing": false
    },
    "software": "mriqc",
    "version": "22.0.6",
    "warnings": {
      "large_rot_frame": true,
      "small_air_mask": false
    },
    "webapi_port": null,
    "webapi_url": "https://mriqc.nimh.nih.gov/api/v1"
  },
  "qi_1": 0.0,
  "qi_2": 0.029277924859149596,
  "rpve_csf": 23.778290489033,
  "rpve_gm": 11.572926805847151,
  "rpve_wm": 17.243280598586207,
  "size_x": 224,
  "size_y": 300,
  "size_z": 320,
  "snr_csf": 2.27010304046271,
  "snr_gm": 15.023850540191699,
  "snr_total": 13.797300044803714,
  "snr_wm": 24.09794655375674,
  "snrd_csf": 34.192014690288616,
  "snrd_gm": 97.39615996524287,
  "snrd_total": 87.6686921013769,
  "snrd_wm": 131.41790164859924,
  "spacing_x": 0.7999998331069946,
  "spacing_y": 0.800000011920929,
  "spacing_z": 0.800000011920929,
  "summary_bg_k": 13.665105946002758,
  "summary_bg_mad": 0.0,
  "summary_bg_mean": 3.3635032532978912,
  "summary_bg_median": 0.0,
  "summary_bg_n": 7466777.0,
  "summary_bg_p05": 0.0,
  "summary_bg_p95": 11.00200080126524,
  "summary_bg_stdv": 4.985251704743221,
  "summary_csf_k": 0.7274854339214372,
  "summary_csf_mad": 88.97231343248866,
  "summary_csf_mean": 275.84248765398115,
  "summary_csf_median": 260.1836801059544,
  "summary_csf_n": 99720.0,
  "summary_csf_p05": 83.56065071374178,
  "summary_csf_p95": 491.8394449111074,
  "summary_csf_stdv": 114.61258405189024,
  "summary_gm_k": 0.4909308150970353,
  "summary_gm_mad": 46.00273024066175,
  "summary_gm_mean": 739.5724304205378,
  "summary_gm_median": 741.1347812488675,
  "summary_gm_n": 145790.0,
  "summary_gm_p05": 656.005663478747,
  "summary_gm_p95": 818.1612891313617,
  "summary_gm_stdv": 49.330378884762396,
  "summary_wm_k": 0.49513581352652425,
  "summary_wm_mad": 39.12759692996944,
  "summary_wm_mean": 998.9885559179378,
  "summary_wm_median": 1000.0227711778134,
  "summary_wm_n": 422061.0,
  "summary_wm_p05": 929.5326792672276,
  "summary_wm_p95": 1065.4664908200502,
  "summary_wm_stdv": 41.498207503135035,
  "tpm_overlap_csf": 0.15095675091954655,
  "tpm_overlap_gm": 0.46214533323020146,
  "tpm_overlap_wm": 0.505129317971379,
  "wm2max": 0.9016991442568922
}