{
  "bids_meta": {
    "AcquisitionMatrixPE": 300,
    "AcquisitionNumber": 1,
    "AcquisitionTime": "14:54:0.045000",
    "BaseResolution": 320,
    "BodyPartExamined": "BRAIN",
    "ConsistencyInfo": "N4_VE11C_LATEST_20160120",
    "ConversionSoftware": "dcm2niix",
    "ConversionSoftwareVersion": "v1.0.20180328 (OpenJPEG build) Clang8.1.0",
    "DeviceSerialNumber": "167047",
    "DwellTime": 7.1e-06,
    "EchoTime": 0.00225,
    "FlipAngle": 8,
    "ImageOrientationPatientDICOM": [
      0,
      0.996345,
      -0.0854169,
      0,
      -0.0854169,
      -0.996345
    ],
    "ImageType": [
      "ORIGINAL",
      "PRIMARY",
      "M",
      "NORM",
      "DIS2D"
    ],
    "InPlanePhaseEncodingDirectionDICOM": "ROW",
    "InstitutionAddress": "South_Kingshighway_510_Saint_Louis_MO_US_63110",
    "InstitutionName": "Center_for_Clinical_Imaging_Research",
    "InstitutionalDepartmentName": "WP-MR30A",
    "InversionTime": 1,
    "MRAcquisitionType": "3D",
    "MagneticFieldStrength": 3,
    "Manufacturer": "Siemens",
    "ManufacturersModelName": "Prisma_fit",
    "Modality": "MR",
    "ParallelReductionFactorInPlane": 2,
    "PartialFourier": 1,
    "PatientPosition": "HFS",
    "PercentPhaseFOV": 93.75,
    "PhaseEncodingSteps": 299,
    "PhaseResolution": 1,
    "PixelBandwidth": 220,
    "ProcedureStepDescription": "CCIR-00900_CCIR-0987_Braver",
    "ProtocolName": "T1_MPRAGE_sag_p2_iso_0.8",
    "PulseSequenceDetails": "%SiemensSeq%_tfl",
    "ReceiveCoilActiveElements": "HEA;HEP",
    "ReceiveCoilName": "Head_32",
    "ReconMatrixPE": 320,
    "RepetitionTime": 2.4,
    "SAR": 0.0397737,
    "ScanOptions": "IR_WE",
    "ScanningSequence": "GR_IR",
    "SequenceName": "_tfl3d1_16ns",
    "SequenceVariant": "SK_SP_MP",
    "SeriesDescription": "T1_MPRAGE_sag_p2_iso_0.8",
    "SeriesNumber": 7,
    "ShimSetting": [
      4609,
      7694,
      1597,
      381,
      18,
      -20,
      -21,
      -15
    ],
    "SliceThickness": 0.8,
    "SoftwareVersions": "syngo_MR_E11",
    "StationName": "CCIRWP-MR30A",
    "TxRefAmp": 239.132,
    "dataset": "ds001399",
    "modality": "T1w",
    "session_id": "01",
    "subject_id": "MOCCAG002"
  },
  "cjv": 0.3389882462413703,
  "cnr": 3.9427600703521968,
  "efc": 0.5312077137834356,
  "fber": 23843.344682622268,
  "fwhm_avg": 4.340170709055385,
  "fwhm_x": 4.32654975671629,
  "fwhm_y": 4.26226243648734,
  "fwhm_z": 4.431699933962525,
  "icvs_csf": 0.18428224797263926,
  "icvs_gm": 0.46591467172872814,
  "icvs_wm": 0.3498030802986326,
  "inu_med": 0.4549606591463089,
  "inu_range": 0.15395109802484513,
  "provenance": {
    "md5sum": "2631bb867bae091f2ec7a70f29e30aee",
    "settings": {
      "testing": false
    },
    "software": "mriqc",
    "version": "22.0.6",
    "warnings": {
      "large_rot_frame": true,
      "small_air_mask": false
    },
    "webapi_port": null,
    "webapi_url": "https://mriqc.nimh.nih.gov/api/v1"
  },
  "qi_1": 0.0,
  "qi_2": 0.024353001825243602,
  "rpve_csf": 26.6269535097716,
  "rpve_gm": 11.95170537745838,
  "rpve_wm": 17.824758546079977,
  "size_x": 224,
  "size_y": 300,
  "size_z": 320,
  "snr_csf": 2.168070681398391,
  "snr_gm": 12.664953040130376,
  "snr_total": 13.169642130060021,
  "snr_wm": 24.6759026686513,
  "snrd_csf": 38.75739668567095,
  "snrd_gm": 106.09463167762003,
  "snrd_total": 97.19283166651246,
  "snrd_wm": 146.72646663624639,
  "spacing_x": 0.7999954223632812,
  "spacing_y": 0.800000011920929,
  "spacing_z": 0.800000011920929,
  "summary_bg_k": 6.3226442364496,
  "summary_bg_mad": 4.465127160271696,
  "summary_bg_mean": 3.929174549642096,
  "summary_bg_median": 3.011682502925396,
  "summary_bg_n": 6428059.0,
  "summary_bg_p05": 0.0,
  "summary_bg_p95": 15.277002373710275,
  "summary_bg_stdv": 5.584072113764785,
  "summary_csf_k": 0.8426163410053928,
  "summary_csf_mad": 108.60341544660835,
  "summary_csf_mean": 273.69852811392565,
  "summary_csf_median": 264.15370082110167,
  "summary_csf_n": 64221.0,
  "summary_csf_p05": 69.46299966424704,
  "summary_csf_p95": 489.0826658178121,
  "summary_csf_stdv": 121.83719215446686,
  "summary_gm_k": 0.27683019080214555,
  "summary_gm_mad": 54.5897804433217,
  "summary_gm_mean": 722.0613030473071,
  "summary_gm_median": 723.0952538475394,
  "summary_gm_n": 141726.0,
  "summary_gm_p05": 626.3570973221213,
  "summary_gm_p95": 815.3644621428102,
  "summary_gm_stdv": 57.09399004634069,
  "summary_wm_k": 0.3548581199300429,
  "summary_wm_mad": 39.285917192390485,
  "summary_wm_mean": 999.0465264768155,
  "summary_wm_median": 1000.0243175439537,
  "summary_wm_n": 427599.0,
  "summary_wm_p05": 931.314238505438,
  "summary_wm_p95": 1063.6825420614332,
  "summary_wm_stdv": 40.52630461480254,
  "tpm_overlap_csf": 0.12791410794230879,
  "tpm_overlap_gm": 0.4575773373637341,
  "tpm_overlap_wm": 0.5064696018312601,
  "wm2max": 0.9050424231766826
}