{
  "bids_meta": {
    "AcquisitionMatrixPE": 320,
    "AcquisitionNumber": 1,
    "AcquisitionTime": "15:00:35.282500",
    "BaseResolution": 320,
    "BodyPartExamined": "BRAIN",
    "ConsistencyInfo": "N4_VE11C_LATEST_20160120",
    "ConversionSoftware": "dcm2niix",
    "ConversionSoftwareVersion": "v1.0.20180328 (OpenJPEG build) Clang8.1.0",
    "DeviceSerialNumber": "167047",
    "DwellTime": 2.3e-06,
    "EchoTime": 0.409,
    "EchoTrainLength": 266,
    "FlipAngle": 120,
    "ImageOrientationPatientDICOM": [
      0,
      0.996345,
      -0.0854169,
      0,
      -0.0854169,
      -0.996345
    ],
    "ImageType": [
      "ORIGINAL",
      "PRIMARY",
      "M",
      "NORM",
      "DIS2D"
    ],
    "InPlanePhaseEncodingDirectionDICOM": "ROW",
    "InstitutionAddress": "South_Kingshighway_510_Saint_Louis_MO_US_63110",
    "InstitutionName": "Center_for_Clinical_Imaging_Research",
    "InstitutionalDepartmentName": "WP-MR30A",
    "MRAcquisitionType": "3D",
    "MagneticFieldStrength": 3,
    "Manufacturer": "Siemens",
    "ManufacturersModelName": "Prisma_fit",
    "Modality": "MR",
    "ParallelReductionFactorInPlane": 2,
    "PartialFourier": 1,
    "PatientPosition": "HFS",
    "PercentPhaseFOV": 100,
    "PhaseEncodingSteps": 261,
    "PhaseResolution": 1,
    "PixelBandwidth": 680,
    "ProcedureStepDescription": "CCIR-00900_CCIR-0987_Braver",
    "ProtocolName": "t2_spc_sag_p2_iso_0.8",
    "PulseSequenceDetails": "%SiemensSeq%_tse_vfl",
    "ReceiveCoilActiveElements": "HEA;HEP",
    "ReceiveCoilName": "Head_32",
    "ReconMatrixPE": 320,
    "RepetitionTime": 3,
    "SAR": 0.13775,
    "ScanOptions": "PFP",
    "ScanningSequence": "SE",
    "SequenceName": "_spcR_320ns",
    "SequenceVariant": "SK_SP",
    "SeriesDescription": "t2_spc_sag_p2_iso_0.8",
    "SeriesNumber": 8,
    "ShimSetting": [
      4609,
      7694,
      1597,
      381,
      18,
      -20,
      -21,
      -15
    ],
    "SliceThickness": 0.8,
    "SoftwareVersions": "syngo_MR_E11",
    "StationName": "CCIRWP-MR30A",
    "TxRefAmp": 239.132,
    "dataset": "ds001399",
    "modality": "T2w",
    "session_id": "01",
    "subject_id": "MOCCAG002"
  },
  "cjv": 0.3119826668015565,
  "cnr": 1.4615860965832679,
  "efc": 0.5569107068723327,
  "fber": -1.0,
  "fwhm_avg": 2.470046278391487,
  "fwhm_x": 2.4308389093718112,
  "fwhm_y": 2.6097499611116954,
  "fwhm_z": 2.369549964690954,
  "icvs_csf": 0.37337617472440815,
  "icvs_gm": 0.47027658305817754,
  "icvs_wm": 0.1563472422174143,
  "inu_med": 0.8343947231769562,
  "inu_range": 0.17352825701236718,
  "provenance": {
    "md5sum": "b21dd0b3df4fee0e4b93efa11d1052b6",
    "settings": {
      "testing": false
    },
    "software": "mriqc",
    "version": "22.0.6",
    "warnings": {
      "large_rot_frame": true,
      "small_air_mask": false
    },
    "webapi_port": null,
    "webapi_url": "https://mriqc.nimh.nih.gov/api/v1"
  },
  "qi_1": 0.031402565521937834,
  "qi_2": 0.09453020753910109,
  "rpve_csf": 14.905856552655283,
  "rpve_gm": 13.379466163430891,
  "rpve_wm": 41.30330219755426,
  "size_x": 224,
  "size_y": 320,
  "size_z": 320,
  "snr_csf": 11.94286364686722,
  "snr_gm": 12.982450983172772,
  "snr_total": 9.159191593646995,
  "snr_wm": 2.55226015090099,
  "snrd_csf": 136.1057720674209,
  "snrd_gm": 91.44298201279328,
  "snrd_total": 147.5143883431504,
  "snrd_wm": 214.99441094923694,
  "spacing_x": 0.7999954223632812,
  "spacing_y": 0.800000011920929,
  "spacing_z": 0.800000011920929,
  "summary_bg_k": 13.10591357559493,
  "summary_bg_mad": 0.0,
  "summary_bg_mean": 1.151757472045302,
  "summary_bg_median": 0.0,
  "summary_bg_n": 2850967.0,
  "summary_bg_p05": 0.0,
  "summary_bg_p95": 10.327812619507313,
  "summary_bg_stdv": 3.047545860573356,
  "summary_csf_k": 0.6843463300354933,
  "summary_csf_mad": 50.7282144567836,
  "summary_csf_mean": 635.1514177702214,
  "summary_csf_median": 633.1331647336483,
  "summary_csf_n": 96716.0,
  "summary_csf_p05": 553.1499936692417,
  "summary_csf_p95": 724.2522041271441,
  "summary_csf_stdv": 53.01323956210372,
  "summary_gm_k": 0.2855970401230161,
  "summary_gm_mad": 32.41048022588242,
  "summary_gm_mean": 424.9241695498118,
  "summary_gm_median": 425.3720008712262,
  "summary_gm_n": 398249.0,
  "summary_gm_p05": 370.8449753560126,
  "summary_gm_p95": 477.317073231563,
  "summary_gm_stdv": 32.765112486803886,
  "summary_wm_k": -0.7265421114786843,
  "summary_wm_mad": 146.89631916901476,
  "summary_wm_mean": 779.8256837290189,
  "summary_wm_median": 1000.1052103573456,
  "summary_wm_n": 44498.0,
  "summary_wm_p05": 34.34953974932432,
  "summary_wm_p95": 1117.5075765885413,
  "summary_wm_stdv": 391.84640809397973,
  "tpm_overlap_csf": 0.11102908532492935,
  "tpm_overlap_gm": 0.29890308965384005,
  "tpm_overlap_wm": 0.035522005671290054,
  "wm2max": 0.8956477802137572
}