{
  "aor": 0.0009554566210045663,
  "aqi": 0.00630125803652968,
  "bids_meta": {
    "AcquisitionNumber": 1,
    "AcquisitionTime": "11:37:10.495000",
    "BandwidthPerPixelPhaseEncode": 26.853,
    "BodyPartExamined": "BRAIN",
    "ConversionSoftware": "dcm2niix",
    "ConversionSoftwareVersion": "v1.0.20170624 (OpenJPEG build) MSC1900",
    "DeviceSerialNumber": "167047",
    "EchoTime": 0.03,
    "EchoTrainLength": 76,
    "EffectiveEchoSpacing": 0.000489997,
    "FlipAngle": 52,
    "ImageType": [
      "ORIGINAL",
      "PRIMARY",
      "M",
      "MB",
      "ND",
      "NORM",
      "MOSAIC"
    ],
    "InstitutionAddress": "South_Kingshighway_510_Saint_Louis_MO_US_63110",
    "InstitutionName": "CCIR_PRISMA",
    "MagneticFieldStrength": 3,
    "Manufacturer": "Siemens",
    "ManufacturersModelName": "Prisma_fit",
    "PhaseEncodingDirection": "j",
    "PhaseEncodingLines": 76,
    "ProcedureStepDescription": "CCIR-00900_Braver",
    "ProtocolName": "CMRR_rfMRI_REST_PA_30_degree_3mm_442meas.",
    "RepetitionTime": 1,
    "ScanningSequence": "EP",
    "SequenceName": "epfid2d1_76",
    "SequenceVariant": "SK_SS",
    "SeriesDescription": "CMRR_rfMRI_REST_PA_30_degree_3mm_442meas.",
    "SliceTiming": [
      0,
      0.21,
      0.42,
      0.63,
      0.84,
      0.07,
      0.28,
      0.49,
      0.7,
      0.91,
      0.14,
      0.35,
      0.56,
      0.77,
      0,
      0.21,
      0.42,
      0.63,
      0.84,
      0.07,
      0.28,
      0.49,
      0.7,
      0.91,
      0.14,
      0.35,
      0.56,
      0.77,
      0,
      0.21,
      0.42,
      0.63,
      0.84,
      0.07,
      0.28,
      0.49,
      0.7,
      0.91,
      0.14,
      0.35,
      0.56,
      0.77,
      0,
      0.21,
      0.42,
      0.63,
      0.84,
      0.07,
      0.28,
      0.49,
      0.7,
      0.91,
      0.14,
      0.35,
      0.56,
      0.77
    ],
    "SoftwareVersions": "syngo_MR_E11",
    "TaskName": "reward",
    "TotalReadoutTime": 0.0367498,
    "acq_id": "multiband3p0tiltPA",
    "dataset": "ds001399",
    "modality": "bold",
    "run_id": 3,
    "session_id": "01",
    "subject_id": "MOCCAG001",
    "task_id": "reward"
  },
  "dummy_trs": 4,
  "dvars_nstd": 18.035368934645295,
  "dvars_std": 1.189277242379862,
  "dvars_vstd": 1.000958651533181,
  "efc": 0.43188086992040403,
  "fber": 10672.2314453125,
  "fd_mean": 0.08389300377736979,
  "fd_num": 13,
  "fd_perc": 2.9680365296803655,
  "fwhm_avg": 1.6614877777777777,
  "fwhm_x": 1.5815233333333334,
  "fwhm_y": 1.6385733333333334,
  "fwhm_z": 1.7643666666666666,
  "gcor": 0.0134478,
  "gsr_x": -0.012804253958165646,
  "gsr_y": 0.023917367681860924,
  "provenance": {
    "md5sum": "a3ac282fdca23acf247cea5bddad7313",
    "settings": {
      "fd_thres": 0.2,
      "testing": false
    },
    "software": "mriqc",
    "version": "22.0.6",
    "webapi_port": null,
    "webapi_url": "https://mriqc.nimh.nih.gov/api/v1"
  },
  "size_t": 438,
  "size_x": 76,
  "size_y": 76,
  "size_z": 56,
  "snr": 7.296493448228153,
  "spacing_tr": 1.0,
  "spacing_x": 3.0,
  "spacing_y": 3.0,
  "spacing_z": 3.0,
  "summary_bg_k": 28.065931029155614,
  "summary_bg_mad": 50.05305278927249,
  "summary_bg_mean": 222.03713989257812,
  "summary_bg_median": 56.49086380004883,
  "summary_bg_n": 234722.0,
  "summary_bg_p05": 17.422372817993164,
  "summary_bg_p95": 1051.3082092285133,
  "summary_bg_stdv": 446.50811767578125,
  "summary_fg_k": 2.1097116729078103,
  "summary_fg_mad": 709.7838673162926,
  "summary_fg_mean": 5800.419921875,
  "summary_fg_median": 5749.212890625,
  "summary_fg_n": 39834.0,
  "summary_fg_p05": 4703.107104492187,
  "summary_fg_p95": 7135.099755859375,
  "summary_fg_stdv": 787.9320068359375,
  "tsnr": 88.61260497197509
}