{
  "aor": 0.0027614999999999996,
  "aqi": 0.005761250954545455,
  "bids_meta": {
    "AcquisitionNumber": 1,
    "AcquisitionTime": "11:45:25.857500",
    "BandwidthPerPixelPhaseEncode": 26.853,
    "BodyPartExamined": "BRAIN",
    "ConversionSoftware": "dcm2niix",
    "ConversionSoftwareVersion": "v1.0.20170624 (OpenJPEG build) MSC1900",
    "DeviceSerialNumber": "167047",
    "EchoTime": 0.03,
    "EchoTrainLength": 76,
    "EffectiveEchoSpacing": 0.000489997,
    "FlipAngle": 52,
    "ImageType": [
      "ORIGINAL",
      "PRIMARY",
      "M",
      "MB",
      "ND",
      "NORM",
      "MOSAIC"
    ],
    "InstitutionAddress": "South_Kingshighway_510_Saint_Louis_MO_US_63110",
    "InstitutionName": "CCIR_PRISMA",
    "MagneticFieldStrength": 3,
    "Manufacturer": "Siemens",
    "ManufacturersModelName": "Prisma_fit",
    "PhaseEncodingDirection": "j-",
    "PhaseEncodingLines": 76,
    "ProcedureStepDescription": "CCIR-00900_Braver",
    "ProtocolName": "CMRR_rfMRI_REST_AP_30_degree_3mm_442meas.",
    "RepetitionTime": 1,
    "ScanningSequence": "EP",
    "SequenceName": "epfid2d1_76",
    "SequenceVariant": "SK_SS",
    "SeriesDescription": "CMRR_rfMRI_REST_AP_30_degree_3mm_442meas.",
    "SliceTiming": [
      0,
      0.21,
      0.42,
      0.63,
      0.84,
      0.07,
      0.28,
      0.49,
      0.7,
      0.91,
      0.14,
      0.35,
      0.56,
      0.77,
      0,
      0.21,
      0.42,
      0.63,
      0.84,
      0.07,
      0.28,
      0.49,
      0.7,
      0.91,
      0.14,
      0.35,
      0.56,
      0.77,
      0,
      0.21,
      0.42,
      0.63,
      0.84,
      0.07,
      0.28,
      0.49,
      0.7,
      0.91,
      0.14,
      0.35,
      0.56,
      0.77,
      0,
      0.21,
      0.42,
      0.63,
      0.84,
      0.07,
      0.28,
      0.49,
      0.7,
      0.91,
      0.14,
      0.35,
      0.56,
      0.77
    ],
    "SoftwareVersions": "syngo_MR_E11",
    "TaskName": "reward",
    "TotalReadoutTime": 0.0367498,
    "acq_id": "multiband3p0tiltAP",
    "dataset": "ds001399",
    "modality": "bold",
    "run_id": 4,
    "session_id": "01",
    "subject_id": "MOCCAG001",
    "task_id": "reward"
  },
  "dummy_trs": 2,
  "dvars_nstd": 17.33421958492026,
  "dvars_std": 1.1847157479043282,
  "dvars_vstd": 1.0197841659453288,
  "efc": 0.4228014043961369,
  "fber": 11777.8193359375,
  "fd_mean": 0.10385365799954625,
  "fd_num": 44,
  "fd_perc": 10.0,
  "fwhm_avg": 1.7111233333333333,
  "fwhm_x": 1.6134166666666667,
  "fwhm_y": 1.73274,
  "fwhm_z": 1.7872133333333335,
  "gcor": 0.0233767,
  "gsr_x": -0.00693942466750741,
  "gsr_y": 0.026827139779925346,
  "provenance": {
    "md5sum": "12a16745c88e75ef26a84244e8f6e2a2",
    "settings": {
      "fd_thres": 0.2,
      "testing": false
    },
    "software": "mriqc",
    "version": "22.0.6",
    "webapi_port": null,
    "webapi_url": "https://mriqc.nimh.nih.gov/api/v1"
  },
  "size_t": 440,
  "size_x": 76,
  "size_y": 76,
  "size_z": 56,
  "snr": 6.858414386632611,
  "spacing_tr": 1.0,
  "spacing_x": 3.0,
  "spacing_y": 3.0,
  "spacing_z": 3.0,
  "summary_bg_k": 31.78317361197984,
  "summary_bg_mad": 47.6016384773076,
  "summary_bg_mean": 199.56729125976562,
  "summary_bg_median": 55.4409065246582,
  "summary_bg_n": 234543.0,
  "summary_bg_p05": 18.293180465698242,
  "summary_bg_p95": 896.8140441894519,
  "summary_bg_stdv": 418.8197937011719,
  "summary_fg_k": 3.556645994111846,
  "summary_fg_mad": 735.0203197763583,
  "summary_fg_mean": 6063.28125,
  "summary_fg_median": 5998.923828125,
  "summary_fg_n": 40416.0,
  "summary_fg_p05": 4872.7685546875,
  "summary_fg_p95": 7482.3458251953125,
  "summary_fg_stdv": 874.6700439453125,
  "tsnr": 86.47339857788756
}