{
  "aor": 0.0022263800904977374,
  "aqi": 0.004974550022624434,
  "bids_meta": {
    "AcquisitionNumber": 1,
    "AcquisitionTime": "12:12:27.240000",
    "BandwidthPerPixelPhaseEncode": 26.853,
    "BodyPartExamined": "BRAIN",
    "ConversionSoftware": "dcm2niix",
    "ConversionSoftwareVersion": "v1.0.20170624 (OpenJPEG build) MSC1900",
    "DeviceSerialNumber": "167047",
    "EchoTime": 0.03,
    "EchoTrainLength": 76,
    "EffectiveEchoSpacing": 0.000489997,
    "FlipAngle": 52,
    "ImageType": [
      "ORIGINAL",
      "PRIMARY",
      "M",
      "MB",
      "ND",
      "NORM",
      "MOSAIC"
    ],
    "InstitutionAddress": "South_Kingshighway_510_Saint_Louis_MO_US_63110",
    "InstitutionName": "CCIR_PRISMA",
    "MagneticFieldStrength": 3,
    "Manufacturer": "Siemens",
    "ManufacturersModelName": "Prisma_fit",
    "PhaseEncodingDirection": "j-",
    "PhaseEncodingLines": 76,
    "ProcedureStepDescription": "CCIR-00900_Braver",
    "ProtocolName": "CMRR_fMRI_TASK_AP_3mm_442meas",
    "RepetitionTime": 1,
    "ScanningSequence": "EP",
    "SequenceName": "epfid2d1_76",
    "SequenceVariant": "SK_SS",
    "SeriesDescription": "CMRR_fMRI_TASK_AP_3mm_442meas",
    "SliceTiming": [
      0,
      0.5275,
      0.075,
      0.6025,
      0.15,
      0.6775,
      0.225,
      0.7525,
      0.3,
      0.8275,
      0.375,
      0.9025,
      0.4525,
      0,
      0.5275,
      0.075,
      0.6025,
      0.15,
      0.6775,
      0.225,
      0.7525,
      0.3,
      0.8275,
      0.375,
      0.9025,
      0.4525,
      0,
      0.5275,
      0.075,
      0.6025,
      0.15,
      0.6775,
      0.225,
      0.7525,
      0.3,
      0.8275,
      0.375,
      0.9025,
      0.4525,
      0,
      0.5275,
      0.075,
      0.6025,
      0.15,
      0.6775,
      0.225,
      0.7525,
      0.3,
      0.8275,
      0.375,
      0.9025,
      0.4525
    ],
    "SoftwareVersions": "syngo_MR_E11",
    "TaskName": "reward",
    "TotalReadoutTime": 0.0367498,
    "acq_id": "multiband3p0flatAP",
    "dataset": "ds001399",
    "modality": "bold",
    "run_id": 7,
    "session_id": "01",
    "subject_id": "MOCCAG001",
    "task_id": "reward"
  },
  "dummy_trs": 0,
  "dvars_nstd": 16.19484883242631,
  "dvars_std": 1.158199778798186,
  "dvars_vstd": 1.0207765757823128,
  "efc": 0.4410236207441978,
  "fber": 9219.1796875,
  "fd_mean": 0.10031331949612411,
  "fd_num": 25,
  "fd_perc": 5.656108597285068,
  "fwhm_avg": 1.7619322222222225,
  "fwhm_x": 1.6429333333333334,
  "fwhm_y": 1.8904333333333332,
  "fwhm_z": 1.7524300000000002,
  "gcor": 0.0229035,
  "gsr_x": -0.011091086082160473,
  "gsr_y": 0.01992514729499817,
  "provenance": {
    "md5sum": "54e19b249bb4a43c7e3142eadb8093c0",
    "settings": {
      "fd_thres": 0.2,
      "testing": false
    },
    "software": "mriqc",
    "version": "22.0.6",
    "webapi_port": null,
    "webapi_url": "https://mriqc.nimh.nih.gov/api/v1"
  },
  "size_t": 442,
  "size_x": 76,
  "size_y": 76,
  "size_z": 52,
  "snr": 7.0059611706337295,
  "spacing_tr": 1.0,
  "spacing_x": 3.0,
  "spacing_y": 3.0,
  "spacing_z": 3.0,
  "summary_bg_k": 26.941827299150276,
  "summary_bg_mad": 52.17284355699,
  "summary_bg_mean": 219.5423126220703,
  "summary_bg_median": 62.37104415893555,
  "summary_bg_n": 212189.0,
  "summary_bg_p05": 21.375566482543945,
  "summary_bg_p95": 1000.579699707028,
  "summary_bg_stdv": 441.3177185058594,
  "summary_fg_k": 3.617755576477907,
  "summary_fg_mad": 740.777710129764,
  "summary_fg_mean": 6044.92431640625,
  "summary_fg_median": 5995.86474609375,
  "summary_fg_n": 40339.0,
  "summary_fg_p05": 4868.079736328125,
  "summary_fg_p95": 7412.056103515625,
  "summary_fg_stdv": 855.8126831054688,
  "tsnr": 89.82672936469316
}