{
  "aor": 0.0024154371584699454,
  "aqi": 0.007537813907103825,
  "bids_meta": {
    "AcquisitionNumber": 1,
    "AcquisitionTime": "11:54:14.085000",
    "BandwidthPerPixelPhaseEncode": 21.259,
    "BodyPartExamined": "BRAIN",
    "ConversionSoftware": "dcm2niix",
    "ConversionSoftwareVersion": "v1.0.20170624 (OpenJPEG build) MSC1900",
    "DeviceSerialNumber": "167047",
    "EchoTime": 0.03,
    "EchoTrainLength": 96,
    "EffectiveEchoSpacing": 0.000489989,
    "FlipAngle": 52,
    "ImageType": [
      "ORIGINAL",
      "PRIMARY",
      "M",
      "MB",
      "ND",
      "NORM",
      "MOSAIC"
    ],
    "InstitutionAddress": "South_Kingshighway_510_Saint_Louis_MO_US_63110",
    "InstitutionName": "CCIR_PRISMA",
    "MagneticFieldStrength": 3,
    "Manufacturer": "Siemens",
    "ManufacturersModelName": "Prisma_fit",
    "PhaseEncodingDirection": "j-",
    "PhaseEncodingLines": 96,
    "ProcedureStepDescription": "CCIR-00900_Braver",
    "ProtocolName": "CMRR_fMRI_TASK_AP_2.4mm_368meas",
    "RepetitionTime": 1.2,
    "ScanningSequence": "EP",
    "SequenceName": "epfid2d1_96",
    "SequenceVariant": "SK_SS",
    "SeriesDescription": "CMRR_fMRI_TASK_AP_2.4mm_368meas",
    "SliceTiming": [
      0,
      0.63,
      0.08,
      0.7075,
      0.1575,
      0.7875,
      0.2375,
      0.865,
      0.315,
      0.945,
      0.395,
      1.0225,
      0.4725,
      1.1025,
      0.5525,
      0,
      0.63,
      0.08,
      0.7075,
      0.1575,
      0.7875,
      0.2375,
      0.865,
      0.315,
      0.945,
      0.395,
      1.0225,
      0.4725,
      1.1025,
      0.5525,
      0,
      0.63,
      0.08,
      0.7075,
      0.1575,
      0.7875,
      0.2375,
      0.865,
      0.315,
      0.945,
      0.395,
      1.0225,
      0.4725,
      1.1025,
      0.5525,
      0,
      0.63,
      0.08,
      0.7075,
      0.1575,
      0.7875,
      0.2375,
      0.865,
      0.315,
      0.945,
      0.395,
      1.0225,
      0.4725,
      1.1025,
      0.5525
    ],
    "SoftwareVersions": "syngo_MR_E11",
    "TaskName": "reward",
    "TotalReadoutTime": 0.0465489,
    "acq_id": "multiband2p4flatAP",
    "dataset": "ds001399",
    "modality": "bold",
    "run_id": 5,
    "session_id": "01",
    "subject_id": "MOCCAG001",
    "task_id": "reward"
  },
  "dummy_trs": 2,
  "dvars_nstd": 27.689812757013705,
  "dvars_std": 1.199655684657534,
  "dvars_vstd": 1.0261354052602745,
  "efc": 0.4676104595565919,
  "fber": 4816.36474609375,
  "fd_mean": 0.11608574440741642,
  "fd_num": 25,
  "fd_perc": 6.830601092896175,
  "fwhm_avg": 1.9732532404189858,
  "fwhm_x": 1.8438094524658686,
  "fwhm_y": 2.131358679395549,
  "fwhm_z": 1.9445915893955394,
  "gcor": 0.012018,
  "gsr_x": -0.017153218388557434,
  "gsr_y": 0.021230921149253845,
  "provenance": {
    "md5sum": "a3fce43f6ece9a90d71593971f4a82ae",
    "settings": {
      "fd_thres": 0.2,
      "testing": false
    },
    "software": "mriqc",
    "version": "22.0.6",
    "webapi_port": null,
    "webapi_url": "https://mriqc.nimh.nih.gov/api/v1"
  },
  "size_t": 366,
  "size_x": 96,
  "size_y": 96,
  "size_z": 60,
  "snr": 5.654122351442706,
  "spacing_tr": 1.2000000476837158,
  "spacing_x": 2.3958332538604736,
  "spacing_y": 2.3958332538604736,
  "spacing_z": 2.4000000953674316,
  "summary_bg_k": 22.98822269657826,
  "summary_bg_mad": 65.48766841239248,
  "summary_bg_mean": 276.75469970703125,
  "summary_bg_median": 89.1229476928711,
  "summary_bg_n": 393210.0,
  "summary_bg_p05": 35.59016418457031,
  "summary_bg_p95": 1234.6141723632802,
  "summary_bg_stdv": 515.82568359375,
  "summary_fg_k": 4.100378912913468,
  "summary_fg_mad": 898.8540182995756,
  "summary_fg_mean": 6293.39453125,
  "summary_fg_median": 6228.25927734375,
  "summary_fg_n": 87092.0,
  "summary_fg_p05": 4817.96650390625,
  "summary_fg_p95": 7997.658325195312,
  "summary_fg_stdv": 1101.5367431640625,
  "tsnr": 62.51869490428362
}