{
  "aor": 0.0026417946058091284,
  "aqi": 0.009113879543568465,
  "bids_meta": {
    "AcquisitionNumber": 1,
    "AcquisitionTime": "11:48:15.447500",
    "BandwidthPerPixelPhaseEncode": 26.853,
    "BodyPartExamined": "BRAIN",
    "ConversionSoftware": "dcm2niix",
    "ConversionSoftwareVersion": "v1.0.20170624 (OpenJPEG build) MSC1900",
    "DeviceSerialNumber": "167047",
    "EchoTime": 0.03,
    "EchoTrainLength": 76,
    "EffectiveEchoSpacing": 0.000489997,
    "FlipAngle": 52,
    "ImageType": [
      "ORIGINAL",
      "PRIMARY",
      "M",
      "MB",
      "ND",
      "NORM",
      "MOSAIC"
    ],
    "InstitutionAddress": "South_Kingshighway_510_Saint_Louis_MO_US_63110",
    "InstitutionName": "CCIR_PRISMA",
    "MagneticFieldStrength": 3,
    "Manufacturer": "Siemens",
    "ManufacturersModelName": "Prisma_fit",
    "PhaseEncodingDirection": "j-",
    "PhaseEncodingLines": 76,
    "ProcedureStepDescription": "CCIR-00900_CCIR-0986_Braver",
    "ProtocolName": "CMRR_fMRI_TASK_AP_3mm_1072meas",
    "RepetitionTime": 1,
    "ScanningSequence": "EP",
    "SequenceName": "epfid2d1_76",
    "SequenceVariant": "SK_SS",
    "SeriesDescription": "CMRR_fMRI_TASK_AP_3mm_1072meas",
    "SliceTiming": [
      0,
      0.5275,
      0.075,
      0.6025,
      0.15,
      0.6775,
      0.225,
      0.7525,
      0.3,
      0.8275,
      0.375,
      0.9025,
      0.45,
      0,
      0.5275,
      0.075,
      0.6025,
      0.15,
      0.6775,
      0.225,
      0.7525,
      0.3,
      0.8275,
      0.375,
      0.9025,
      0.45,
      0,
      0.5275,
      0.075,
      0.6025,
      0.15,
      0.6775,
      0.225,
      0.7525,
      0.3,
      0.8275,
      0.375,
      0.9025,
      0.45,
      0,
      0.5275,
      0.075,
      0.6025,
      0.15,
      0.6775,
      0.225,
      0.7525,
      0.3,
      0.8275,
      0.375,
      0.9025,
      0.45
    ],
    "SoftwareVersions": "syngo_MR_E11",
    "TaskName": "delay",
    "TotalReadoutTime": 0.0367498,
    "acq_id": "multiband3p0flatAP",
    "dataset": "ds001399",
    "modality": "bold",
    "run_id": 1,
    "session_id": "02",
    "subject_id": "MOCCAG001",
    "task_id": "delay"
  },
  "dummy_trs": 1,
  "dvars_nstd": 18.61573409057114,
  "dvars_std": 1.167621188234683,
  "dvars_vstd": 0.988865887528557,
  "efc": 0.43786551443832517,
  "fber": 10434.8212890625,
  "fd_mean": 0.12432464363455217,
  "fd_num": 34,
  "fd_perc": 3.5269709543568464,
  "fwhm_avg": 1.8012966666666665,
  "fwhm_x": 1.6526466666666666,
  "fwhm_y": 1.9430100000000001,
  "fwhm_z": 1.8082333333333331,
  "gcor": 0.0121474,
  "gsr_x": -0.010823329910635948,
  "gsr_y": 0.021819595247507095,
  "provenance": {
    "md5sum": "b54755f0feb9e2b748dfb78d750e6e91",
    "settings": {
      "fd_thres": 0.2,
      "testing": false
    },
    "software": "mriqc",
    "version": "22.0.6",
    "webapi_port": null,
    "webapi_url": "https://mriqc.nimh.nih.gov/api/v1"
  },
  "size_t": 964,
  "size_x": 76,
  "size_y": 76,
  "size_z": 52,
  "snr": 7.090173288518757,
  "spacing_tr": 1.0,
  "spacing_x": 3.0,
  "spacing_y": 3.0,
  "spacing_z": 3.0,
  "summary_bg_k": 30.03522930281151,
  "summary_bg_mad": 47.48018277875106,
  "summary_bg_mean": 199.01296997070312,
  "summary_bg_median": 57.134857177734375,
  "summary_bg_n": 211977.0,
  "summary_bg_p05": 19.691702270507815,
  "summary_bg_p95": 870.4660278320313,
  "summary_bg_stdv": 406.8988952636719,
  "summary_fg_k": 3.145001859578696,
  "summary_fg_mad": 721.4510346280824,
  "summary_fg_mean": 5842.56787109375,
  "summary_fg_median": 5813.84765625,
  "summary_fg_n": 40523.0,
  "summary_fg_p05": 4656.933203125,
  "summary_fg_p95": 7128.432177734376,
  "summary_fg_stdv": 819.9765625,
  "tsnr": 69.86137751780916
}