{
  "aor": 0.005885316205533597,
  "aqi": 0.006870178754940711,
  "bids_meta": {
    "AcquisitionNumber": 1,
    "AcquisitionTime": "12:40:26.145000",
    "BandwidthPerPixelPhaseEncode": 26.853,
    "BodyPartExamined": "BRAIN",
    "ConversionSoftware": "dcm2niix",
    "ConversionSoftwareVersion": "v1.0.20170624 (OpenJPEG build) MSC1900",
    "DeviceSerialNumber": "167047",
    "EchoTime": 0.03,
    "EchoTrainLength": 76,
    "EffectiveEchoSpacing": 0.000489997,
    "FlipAngle": 52,
    "ImageType": [
      "ORIGINAL",
      "PRIMARY",
      "M",
      "MB",
      "ND",
      "NORM",
      "MOSAIC"
    ],
    "InstitutionAddress": "South_Kingshighway_510_Saint_Louis_MO_US_63110",
    "InstitutionName": "CCIR_PRISMA",
    "MagneticFieldStrength": 3,
    "Manufacturer": "Siemens",
    "ManufacturersModelName": "Prisma_fit",
    "PhaseEncodingDirection": "j",
    "PhaseEncodingLines": 76,
    "ProcedureStepDescription": "CCIR-00900_CCIR-0986_Braver",
    "ProtocolName": "CMRR_fMRI_TASK_PA_3mm_596meas",
    "RepetitionTime": 1.8,
    "ScanningSequence": "EP",
    "SequenceName": "epfid2d1_76",
    "SequenceVariant": "SK_SS",
    "SeriesDescription": "CMRR_fMRI_TASK_PA_3mm_596meas",
    "SliceTiming": [
      0,
      1.3,
      0.8225,
      0.3425,
      1.6425,
      1.165,
      0.685,
      0.205,
      1.5075,
      1.0275,
      0.5475,
      0.0675,
      1.37,
      0.89,
      0.41,
      1.7125,
      1.2325,
      0.7525,
      0.275,
      1.575,
      1.095,
      0.6175,
      0.1375,
      1.4375,
      0.9575,
      0.48,
      0,
      1.3,
      0.8225,
      0.3425,
      1.6425,
      1.165,
      0.685,
      0.205,
      1.5075,
      1.0275,
      0.5475,
      0.0675,
      1.37,
      0.89,
      0.41,
      1.7125,
      1.2325,
      0.7525,
      0.275,
      1.575,
      1.095,
      0.6175,
      0.1375,
      1.4375,
      0.9575,
      0.48
    ],
    "SoftwareVersions": "syngo_MR_E11",
    "TaskName": "delay",
    "TotalReadoutTime": 0.0367498,
    "acq_id": "multiband3p0MB2PA",
    "dataset": "ds001399",
    "modality": "bold",
    "run_id": 4,
    "session_id": "02",
    "subject_id": "MOCCAG001",
    "task_id": "delay"
  },
  "dummy_trs": 0,
  "dvars_nstd": 20.642079277702965,
  "dvars_std": 1.311282624356436,
  "dvars_vstd": 1.0319168246336627,
  "efc": 0.4473634622003051,
  "fber": 4606.67919921875,
  "fd_mean": 0.09976629975266076,
  "fd_num": 34,
  "fd_perc": 6.719367588932807,
  "fwhm_avg": 1.7221244444444446,
  "fwhm_x": 1.5975633333333334,
  "fwhm_y": 1.8422766666666668,
  "fwhm_z": 1.7265333333333333,
  "gcor": 0.0165238,
  "gsr_x": -0.013727796263992786,
  "gsr_y": 0.026443395763635635,
  "provenance": {
    "md5sum": "aab77a178f007c976205bd39c988e7a4",
    "settings": {
      "fd_thres": 0.2,
      "testing": false
    },
    "software": "mriqc",
    "version": "22.0.6",
    "webapi_port": null,
    "webapi_url": "https://mriqc.nimh.nih.gov/api/v1"
  },
  "size_t": 506,
  "size_x": 76,
  "size_y": 76,
  "size_z": 52,
  "snr": 5.8630102079911355,
  "spacing_tr": 1.7999999523162842,
  "spacing_x": 3.0,
  "spacing_y": 3.0,
  "spacing_z": 3.0,
  "summary_bg_k": 30.584784266763464,
  "summary_bg_mad": 70.55839151210105,
  "summary_bg_mean": 264.4402770996094,
  "summary_bg_median": 96.29447174072266,
  "summary_bg_n": 213351.0,
  "summary_bg_p05": 38.465415954589844,
  "summary_bg_p95": 1085.9654541015625,
  "summary_bg_stdv": 470.08929443359375,
  "summary_fg_k": 2.732655710851729,
  "summary_fg_mad": 991.3128715438177,
  "summary_fg_mean": 6544.69189453125,
  "summary_fg_median": 6418.8837890625,
  "summary_fg_n": 40135.0,
  "summary_fg_p05": 5122.435595703125,
  "summary_fg_p95": 8359.001660156247,
  "summary_fg_stdv": 1094.796630859375,
  "tsnr": 75.10559197166003
}