{
  "aor": 0.003713595284872298,
  "aqi": 0.008463812593320236,
  "bids_meta": {
    "AcquisitionNumber": 1,
    "AcquisitionTime": "12:24:15.632500",
    "BandwidthPerPixelPhaseEncode": 26.853,
    "BodyPartExamined": "BRAIN",
    "ConversionSoftware": "dcm2niix",
    "ConversionSoftwareVersion": "v1.0.20170624 (OpenJPEG build) MSC1900",
    "DeviceSerialNumber": "167047",
    "EchoTime": 0.03,
    "EchoTrainLength": 76,
    "EffectiveEchoSpacing": 0.000489997,
    "FlipAngle": 52,
    "ImageType": [
      "ORIGINAL",
      "PRIMARY",
      "M",
      "MB",
      "ND",
      "NORM",
      "MOSAIC"
    ],
    "InstitutionAddress": "South_Kingshighway_510_Saint_Louis_MO_US_63110",
    "InstitutionName": "CCIR_PRISMA",
    "MagneticFieldStrength": 3,
    "Manufacturer": "Siemens",
    "ManufacturersModelName": "Prisma_fit",
    "PhaseEncodingDirection": "j-",
    "PhaseEncodingLines": 76,
    "ProcedureStepDescription": "CCIR-00900_CCIR-0986_Braver",
    "ProtocolName": "CMRR_fMRI_TASK_AP_3mm_596meas",
    "RepetitionTime": 1.8,
    "ScanningSequence": "EP",
    "SequenceName": "epfid2d1_76",
    "SequenceVariant": "SK_SS",
    "SeriesDescription": "CMRR_fMRI_TASK_AP_3mm_596meas",
    "SliceTiming": [
      0,
      1.3,
      0.82,
      0.34,
      1.6425,
      1.1625,
      0.6825,
      0.205,
      1.505,
      1.025,
      0.5475,
      0.0675,
      1.3675,
      0.8875,
      0.41,
      1.71,
      1.23,
      0.7525,
      0.2725,
      1.5725,
      1.095,
      0.615,
      0.135,
      1.4375,
      0.9575,
      0.4775,
      0,
      1.3,
      0.82,
      0.34,
      1.6425,
      1.1625,
      0.6825,
      0.205,
      1.505,
      1.025,
      0.5475,
      0.0675,
      1.3675,
      0.8875,
      0.41,
      1.71,
      1.23,
      0.7525,
      0.2725,
      1.5725,
      1.095,
      0.615,
      0.135,
      1.4375,
      0.9575,
      0.4775
    ],
    "SoftwareVersions": "syngo_MR_E11",
    "TaskName": "delay",
    "TotalReadoutTime": 0.0367498,
    "acq_id": "multiband3p0MB2AP",
    "dataset": "ds001399",
    "modality": "bold",
    "run_id": 3,
    "session_id": "02",
    "subject_id": "MOCCAG001",
    "task_id": "delay"
  },
  "dummy_trs": 8,
  "dvars_nstd": 20.033613753129902,
  "dvars_std": 1.1755509638188988,
  "dvars_vstd": 0.960735641141733,
  "efc": 0.4454789823932276,
  "fber": 5137.26171875,
  "fd_mean": 0.12615438806185647,
  "fd_num": 44,
  "fd_perc": 8.644400785854616,
  "fwhm_avg": 1.8080388888888888,
  "fwhm_x": 1.6759933333333334,
  "fwhm_y": 1.9452299999999998,
  "fwhm_z": 1.8028933333333335,
  "gcor": 0.01506,
  "gsr_x": -0.011368775740265846,
  "gsr_y": 0.02192034013569355,
  "provenance": {
    "md5sum": "63904a5a5ad326559c695d68a9f8a421",
    "settings": {
      "fd_thres": 0.2,
      "testing": false
    },
    "software": "mriqc",
    "version": "22.0.6",
    "webapi_port": null,
    "webapi_url": "https://mriqc.nimh.nih.gov/api/v1"
  },
  "size_t": 509,
  "size_x": 76,
  "size_y": 76,
  "size_z": 52,
  "snr": 5.551925669523418,
  "spacing_tr": 1.7999999523162842,
  "spacing_x": 3.0,
  "spacing_y": 3.0,
  "spacing_z": 3.0,
  "summary_bg_k": 28.528119869372173,
  "summary_bg_mad": 64.3228022192609,
  "summary_bg_mean": 251.073486328125,
  "summary_bg_median": 90.6699447631836,
  "summary_bg_n": 211731.0,
  "summary_bg_p05": 37.126718521118164,
  "summary_bg_p95": 1030.4617309570312,
  "summary_bg_stdv": 460.09228515625,
  "summary_fg_k": 5.151272373522039,
  "summary_fg_mad": 996.9580532332252,
  "summary_fg_mean": 6625.09326171875,
  "summary_fg_median": 6500.18701171875,
  "summary_fg_n": 40834.0,
  "summary_fg_p05": 5117.7916259765625,
  "summary_fg_p95": 8463.456396484371,
  "summary_fg_stdv": 1170.7843017578125,
  "tsnr": 64.76414967142045
}