{
  "aor": 0.004636942148760331,
  "aqi": 0.009531197944214876,
  "bids_meta": {
    "AcquisitionNumber": 1,
    "AcquisitionTime": "12:06:54.817500",
    "BandwidthPerPixelPhaseEncode": 26.853,
    "BodyPartExamined": "BRAIN",
    "ConversionSoftware": "dcm2niix",
    "ConversionSoftwareVersion": "v1.0.20170624 (OpenJPEG build) MSC1900",
    "DeviceSerialNumber": "167047",
    "EchoTime": 0.03,
    "EchoTrainLength": 76,
    "EffectiveEchoSpacing": 0.000489997,
    "FlipAngle": 52,
    "ImageType": [
      "ORIGINAL",
      "PRIMARY",
      "M",
      "MB",
      "ND",
      "NORM",
      "MOSAIC"
    ],
    "InstitutionAddress": "South_Kingshighway_510_Saint_Louis_MO_US_63110",
    "InstitutionName": "CCIR_PRISMA",
    "MagneticFieldStrength": 3,
    "Manufacturer": "Siemens",
    "ManufacturersModelName": "Prisma_fit",
    "PhaseEncodingDirection": "j",
    "PhaseEncodingLines": 76,
    "ProcedureStepDescription": "CCIR-00900_CCIR-0986_Braver",
    "ProtocolName": "CMRR_fMRI_TASK_PA_3mm_1072meas",
    "RepetitionTime": 1,
    "ScanningSequence": "EP",
    "SequenceName": "epfid2d1_76",
    "SequenceVariant": "SK_SS",
    "SeriesDescription": "CMRR_fMRI_TASK_PA_3mm_1072meas",
    "SliceTiming": [
      0,
      0.5275,
      0.075,
      0.6025,
      0.15,
      0.6775,
      0.225,
      0.7525,
      0.3025,
      0.83,
      0.3775,
      0.905,
      0.4525,
      0,
      0.5275,
      0.075,
      0.6025,
      0.15,
      0.6775,
      0.225,
      0.7525,
      0.3025,
      0.83,
      0.3775,
      0.905,
      0.4525,
      0,
      0.5275,
      0.075,
      0.6025,
      0.15,
      0.6775,
      0.225,
      0.7525,
      0.3025,
      0.83,
      0.3775,
      0.905,
      0.4525,
      0,
      0.5275,
      0.075,
      0.6025,
      0.15,
      0.6775,
      0.225,
      0.7525,
      0.3025,
      0.83,
      0.3775,
      0.905,
      0.4525
    ],
    "SoftwareVersions": "syngo_MR_E11",
    "TaskName": "delay",
    "TotalReadoutTime": 0.0367498,
    "acq_id": "multiband3p0flatPA",
    "dataset": "ds001399",
    "modality": "bold",
    "run_id": 2,
    "session_id": "02",
    "subject_id": "MOCCAG001",
    "task_id": "delay"
  },
  "dummy_trs": 2,
  "dvars_nstd": 17.013353047921406,
  "dvars_std": 1.123966898697,
  "dvars_vstd": 1.0157279106101342,
  "efc": 0.43933608329311813,
  "fber": 9329.935546875,
  "fd_mean": 0.11660664478260677,
  "fd_num": 37,
  "fd_perc": 3.822314049586777,
  "fwhm_avg": 1.7064944444444443,
  "fwhm_x": 1.5738899999999998,
  "fwhm_y": 1.8314266666666665,
  "fwhm_z": 1.7141666666666666,
  "gcor": 0.0257396,
  "gsr_x": -0.012756562791764736,
  "gsr_y": 0.026242924854159355,
  "provenance": {
    "md5sum": "d8d98b5264c2980f07f356857ea9fcc0",
    "settings": {
      "fd_thres": 0.2,
      "testing": false
    },
    "software": "mriqc",
    "version": "22.0.6",
    "webapi_port": null,
    "webapi_url": "https://mriqc.nimh.nih.gov/api/v1"
  },
  "size_t": 968,
  "size_x": 76,
  "size_y": 76,
  "size_z": 52,
  "snr": 7.491874542326258,
  "spacing_tr": 1.0,
  "spacing_x": 3.0,
  "spacing_y": 3.0,
  "spacing_z": 3.0,
  "summary_bg_k": 29.14420917194932,
  "summary_bg_mad": 52.8092784870246,
  "summary_bg_mean": 210.01686096191406,
  "summary_bg_median": 61.11053466796875,
  "summary_bg_n": 213420.0,
  "summary_bg_p05": 20.029958724975586,
  "summary_bg_p95": 917.1447998046874,
  "summary_bg_stdv": 412.295166015625,
  "summary_fg_k": 1.9992527441601755,
  "summary_fg_mad": 704.3598452839913,
  "summary_fg_mean": 5760.685546875,
  "summary_fg_median": 5726.76513671875,
  "summary_fg_n": 39979.0,
  "summary_fg_p05": 4682.801171875,
  "summary_fg_p95": 7028.0373046875,
  "summary_fg_stdv": 764.3872680664062,
  "tsnr": 68.82406814140268
}