{
  "aor": 0.00034601809954751137,
  "aqi": 0.008194704162895928,
  "bids_meta": {
    "AcquisitionMatrixPE": 76,
    "AcquisitionNumber": 1,
    "AcquisitionTime": "16:19:59.415000",
    "BandwidthPerPixelPhaseEncode": 26.853,
    "BaseResolution": 76,
    "BodyPartExamined": "BRAIN",
    "ConsistencyInfo": "N4_VE11C_LATEST_20160120",
    "ConversionSoftware": "dcm2niix",
    "ConversionSoftwareVersion": "v1.0.20180328 (OpenJPEG build) Clang8.1.0",
    "DerivedVendorReportedEchoSpacing": 0.000489997,
    "DeviceSerialNumber": "167047",
    "DwellTime": 2.5e-06,
    "EchoTime": 0.03,
    "EchoTrainLength": 76,
    "EffectiveEchoSpacing": 0.000489997,
    "FlipAngle": 52,
    "ImageComments": "Unaliased_MB4_PE3_LB",
    "ImageOrientationPatientDICOM": [
      0.999272,
      -0.00155205,
      -0.0381198,
      -0.0216297,
      0.800028,
      -0.599573
    ],
    "ImageType": [
      "ORIGINAL",
      "PRIMARY",
      "M",
      "MB",
      "ND",
      "NORM",
      "MOSAIC"
    ],
    "InPlanePhaseEncodingDirectionDICOM": "COL",
    "InstitutionAddress": "South_Kingshighway_510_Saint_Louis_MO_US_63110",
    "InstitutionName": "Center_for_Clinical_Imaging_Research",
    "InstitutionalDepartmentName": "WP-MR30A",
    "MRAcquisitionType": "2D",
    "MagneticFieldStrength": 3,
    "Manufacturer": "Siemens",
    "ManufacturersModelName": "Prisma_fit",
    "Modality": "MR",
    "MultibandAccelerationFactor": 4,
    "PartialFourier": 1,
    "PatientPosition": "HFS",
    "PercentPhaseFOV": 100,
    "PhaseEncodingDirection": "j-",
    "PhaseEncodingSteps": 76,
    "PhaseResolution": 1,
    "PixelBandwidth": 2630,
    "ProcedureStepDescription": "CCIR-00900_CCIR-0987_Braver",
    "ProtocolName": "CMRR_fMRI_TASK_AP_30degree_3mm_442meas.",
    "PulseSequenceDetails": "%CustomerSeq%_cmrr_mbep2d_bold",
    "ReceiveCoilActiveElements": "HEA;HEP",
    "ReceiveCoilName": "Head_32",
    "ReconMatrixPE": 76,
    "RepetitionTime": 1,
    "SAR": 0.049404,
    "ScanOptions": "FS_EXT",
    "ScanningSequence": "EP",
    "SequenceName": "epfid2d1_76",
    "SequenceVariant": "SK_SS",
    "SeriesDescription": "CMRR_fMRI_TASK_AP_30degree_3mm_442meas.",
    "SeriesNumber": 42,
    "ShimSetting": [
      4610,
      7706,
      1610,
      436,
      12,
      45,
      -43,
      -18
    ],
    "SliceThickness": 3,
    "SliceTiming": [
      0,
      0.21,
      0.42,
      0.63,
      0.84,
      0.07,
      0.28,
      0.49,
      0.7,
      0.91,
      0.14,
      0.35,
      0.56,
      0.77,
      0,
      0.21,
      0.42,
      0.63,
      0.84,
      0.07,
      0.28,
      0.49,
      0.7,
      0.91,
      0.14,
      0.35,
      0.56,
      0.77,
      0,
      0.21,
      0.42,
      0.63,
      0.84,
      0.07,
      0.28,
      0.49,
      0.7,
      0.91,
      0.14,
      0.35,
      0.56,
      0.77,
      0,
      0.21,
      0.42,
      0.63,
      0.84,
      0.07,
      0.28,
      0.49,
      0.7,
      0.91,
      0.14,
      0.35,
      0.56,
      0.77
    ],
    "SoftwareVersions": "syngo_MR_E11",
    "SpacingBetweenSlices": 3,
    "StationName": "CCIRWP-MR30A",
    "TaskName": "reward",
    "TotalReadoutTime": 0.0367498,
    "TxRefAmp": 239.132,
    "acq_id": "multiband3p0tiltAP",
    "dataset": "ds001399",
    "modality": "bold",
    "run_id": 7,
    "session_id": "01",
    "subject_id": "MOCCAG002",
    "task_id": "reward"
  },
  "dummy_trs": 0,
  "dvars_nstd": 25.210695991269844,
  "dvars_std": 1.3325335426530613,
  "dvars_vstd": 0.9849804722222223,
  "efc": 0.4206763647900219,
  "fber": 10319.9619140625,
  "fd_mean": 0.11331503867850878,
  "fd_num": 28,
  "fd_perc": 6.334841628959276,
  "fwhm_avg": 1.5904511111111113,
  "fwhm_x": 1.5426833333333334,
  "fwhm_y": 1.5826866666666666,
  "fwhm_z": 1.6459833333333334,
  "gcor": 0.0192011,
  "gsr_x": -0.007964784279465675,
  "gsr_y": 0.025716178119182587,
  "provenance": {
    "md5sum": "0b71a95a47f85df6e09e5067a0baab04",
    "settings": {
      "fd_thres": 0.2,
      "testing": false
    },
    "software": "mriqc",
    "version": "22.0.6",
    "webapi_port": null,
    "webapi_url": "https://mriqc.nimh.nih.gov/api/v1"
  },
  "size_t": 442,
  "size_x": 76,
  "size_y": 76,
  "size_z": 56,
  "snr": 7.014642370841182,
  "spacing_tr": 1.0,
  "spacing_x": 3.0,
  "spacing_y": 3.0,
  "spacing_z": 3.0,
  "summary_bg_k": 29.998821171372285,
  "summary_bg_mad": 36.04031719105846,
  "summary_bg_mean": 174.38894653320312,
  "summary_bg_median": 47.88348388671875,
  "summary_bg_n": 237048.0,
  "summary_bg_p05": 18.432126998901367,
  "summary_bg_p95": 824.4153228759762,
  "summary_bg_stdv": 367.70556640625,
  "summary_fg_k": 3.250906113126157,
  "summary_fg_mad": 620.1468809898898,
  "summary_fg_mean": 4860.48876953125,
  "summary_fg_median": 4827.8193359375,
  "summary_fg_n": 38705.0,
  "summary_fg_p05": 3892.0568359375,
  "summary_fg_p95": 5961.515917968749,
  "summary_fg_stdv": 688.2399291992188,
  "tsnr": 75.13377590104938
}