{
  "aor": 0.0005026077097505668,
  "aqi": 0.010147216213151927,
  "bids_meta": {
    "AcquisitionMatrixPE": 76,
    "AcquisitionNumber": 1,
    "AcquisitionTime": "16:27:56.880000",
    "BandwidthPerPixelPhaseEncode": 26.853,
    "BaseResolution": 76,
    "BodyPartExamined": "BRAIN",
    "ConsistencyInfo": "N4_VE11C_LATEST_20160120",
    "ConversionSoftware": "dcm2niix",
    "ConversionSoftwareVersion": "v1.0.20180328 (OpenJPEG build) Clang8.1.0",
    "DerivedVendorReportedEchoSpacing": 0.000489997,
    "DeviceSerialNumber": "167047",
    "DwellTime": 2.5e-06,
    "EchoTime": 0.03,
    "EchoTrainLength": 76,
    "EffectiveEchoSpacing": 0.000489997,
    "FlipAngle": 52,
    "ImageComments": "Unaliased_MB4_PE3_LB",
    "ImageOrientationPatientDICOM": [
      0.999272,
      -0.00155205,
      -0.0381198,
      -0.0216297,
      0.800028,
      -0.599573
    ],
    "ImageType": [
      "ORIGINAL",
      "PRIMARY",
      "M",
      "MB",
      "ND",
      "NORM",
      "MOSAIC"
    ],
    "InPlanePhaseEncodingDirectionDICOM": "COL",
    "InstitutionAddress": "South_Kingshighway_510_Saint_Louis_MO_US_63110",
    "InstitutionName": "Center_for_Clinical_Imaging_Research",
    "InstitutionalDepartmentName": "WP-MR30A",
    "MRAcquisitionType": "2D",
    "MagneticFieldStrength": 3,
    "Manufacturer": "Siemens",
    "ManufacturersModelName": "Prisma_fit",
    "Modality": "MR",
    "MultibandAccelerationFactor": 4,
    "PartialFourier": 1,
    "PatientPosition": "HFS",
    "PercentPhaseFOV": 100,
    "PhaseEncodingDirection": "j",
    "PhaseEncodingSteps": 76,
    "PhaseResolution": 1,
    "PixelBandwidth": 2630,
    "ProcedureStepDescription": "CCIR-00900_CCIR-0987_Braver",
    "ProtocolName": "CMRR_fMRI_TASK_PA_30degree_3mm_442meas.",
    "PulseSequenceDetails": "%CustomerSeq%_cmrr_mbep2d_bold",
    "ReceiveCoilActiveElements": "HEA;HEP",
    "ReceiveCoilName": "Head_32",
    "ReconMatrixPE": 76,
    "RepetitionTime": 1,
    "SAR": 0.049404,
    "ScanOptions": "FS_EXT",
    "ScanningSequence": "EP",
    "SequenceName": "epfid2d1_76",
    "SequenceVariant": "SK_SS",
    "SeriesDescription": "CMRR_fMRI_TASK_PA_30degree_3mm_442meas.",
    "SeriesNumber": 45,
    "ShimSetting": [
      4610,
      7706,
      1610,
      436,
      12,
      45,
      -43,
      -18
    ],
    "SliceThickness": 3,
    "SliceTiming": [
      0,
      0.21,
      0.42,
      0.6275,
      0.8375,
      0.07,
      0.28,
      0.4875,
      0.6975,
      0.9075,
      0.14,
      0.35,
      0.5575,
      0.7675,
      0,
      0.21,
      0.42,
      0.6275,
      0.8375,
      0.07,
      0.28,
      0.4875,
      0.6975,
      0.9075,
      0.14,
      0.35,
      0.5575,
      0.7675,
      0,
      0.21,
      0.42,
      0.6275,
      0.8375,
      0.07,
      0.28,
      0.4875,
      0.6975,
      0.9075,
      0.14,
      0.35,
      0.5575,
      0.7675,
      0,
      0.21,
      0.42,
      0.6275,
      0.8375,
      0.07,
      0.28,
      0.4875,
      0.6975,
      0.9075,
      0.14,
      0.35,
      0.5575,
      0.7675
    ],
    "SoftwareVersions": "syngo_MR_E11",
    "SpacingBetweenSlices": 3,
    "StationName": "CCIRWP-MR30A",
    "TaskName": "reward",
    "TotalReadoutTime": 0.0367498,
    "TxRefAmp": 239.132,
    "acq_id": "multiband3p0tiltPA",
    "dataset": "ds001399",
    "modality": "bold",
    "run_id": 8,
    "session_id": "01",
    "subject_id": "MOCCAG002",
    "task_id": "reward"
  },
  "dummy_trs": 1,
  "dvars_nstd": 26.440597985090896,
  "dvars_std": 1.3546483969318182,
  "dvars_vstd": 1.0017736980454544,
  "efc": 0.4313804685011499,
  "fber": 9589.52734375,
  "fd_mean": 0.08211287733650098,
  "fd_num": 0,
  "fd_perc": 0.0,
  "fwhm_avg": 1.6168177777777777,
  "fwhm_x": 1.5420133333333332,
  "fwhm_y": 1.6153633333333335,
  "fwhm_z": 1.6930766666666666,
  "gcor": 0.023319,
  "gsr_x": -0.0110645005479455,
  "gsr_y": 0.02417982742190361,
  "provenance": {
    "md5sum": "135f6b531f7fdd721ee66d71cccc8cc7",
    "settings": {
      "fd_thres": 0.2,
      "testing": false
    },
    "software": "mriqc",
    "version": "22.0.6",
    "webapi_port": null,
    "webapi_url": "https://mriqc.nimh.nih.gov/api/v1"
  },
  "size_t": 441,
  "size_x": 76,
  "size_y": 76,
  "size_z": 56,
  "snr": 7.03354165327994,
  "spacing_tr": 1.0,
  "spacing_x": 3.0,
  "spacing_y": 3.0,
  "spacing_z": 3.0,
  "summary_bg_k": 25.61419421837907,
  "summary_bg_mad": 38.01983864526024,
  "summary_bg_mean": 195.11317443847656,
  "summary_bg_median": 48.77324295043945,
  "summary_bg_n": 236098.0,
  "summary_bg_p05": 17.74115686416626,
  "summary_bg_p95": 984.6575927734375,
  "summary_bg_stdv": 406.0546569824219,
  "summary_fg_k": 1.8861743974968572,
  "summary_fg_mad": 628.9259420757381,
  "summary_fg_mean": 4725.5048828125,
  "summary_fg_median": 4693.51953125,
  "summary_fg_n": 39097.0,
  "summary_fg_p05": 3780.277197265625,
  "summary_fg_p95": 5840.053222656249,
  "summary_fg_stdv": 667.2967529296875,
  "tsnr": 70.48770267050713
}