{
  "aor": 0.0004398365122615804,
  "aqi": 0.011607615367847414,
  "bids_meta": {
    "AcquisitionMatrixPE": 96,
    "AcquisitionNumber": 1,
    "AcquisitionTime": "15:38:0.150000",
    "BandwidthPerPixelPhaseEncode": 21.259,
    "BaseResolution": 96,
    "BodyPartExamined": "BRAIN",
    "ConsistencyInfo": "N4_VE11C_LATEST_20160120",
    "ConversionSoftware": "dcm2niix",
    "ConversionSoftwareVersion": "v1.0.20180328 (OpenJPEG build) Clang8.1.0",
    "DerivedVendorReportedEchoSpacing": 0.000489989,
    "DeviceSerialNumber": "167047",
    "DwellTime": 2e-06,
    "EchoTime": 0.03,
    "EchoTrainLength": 96,
    "EffectiveEchoSpacing": 0.000489989,
    "FlipAngle": 52,
    "ImageComments": "Unaliased_MB4_PE3_LB",
    "ImageOrientationPatientDICOM": [
      0.999268,
      -0.00126896,
      -0.0382435,
      -0.00331375,
      0.992825,
      -0.119529
    ],
    "ImageType": [
      "ORIGINAL",
      "PRIMARY",
      "M",
      "MB",
      "ND",
      "NORM",
      "MOSAIC"
    ],
    "InPlanePhaseEncodingDirectionDICOM": "COL",
    "InstitutionAddress": "South_Kingshighway_510_Saint_Louis_MO_US_63110",
    "InstitutionName": "Center_for_Clinical_Imaging_Research",
    "InstitutionalDepartmentName": "WP-MR30A",
    "MRAcquisitionType": "2D",
    "MagneticFieldStrength": 3,
    "Manufacturer": "Siemens",
    "ManufacturersModelName": "Prisma_fit",
    "Modality": "MR",
    "MultibandAccelerationFactor": 4,
    "PartialFourier": 1,
    "PatientPosition": "HFS",
    "PercentPhaseFOV": 100,
    "PhaseEncodingDirection": "j",
    "PhaseEncodingSteps": 96,
    "PhaseResolution": 1,
    "PixelBandwidth": 2605,
    "ProcedureStepDescription": "CCIR-00900_CCIR-0987_Braver",
    "ProtocolName": "CMRR_fMRI_TASK_PA_2.4mm_368meas",
    "PulseSequenceDetails": "%CustomerSeq%_cmrr_mbep2d_bold",
    "ReceiveCoilActiveElements": "HEA;HEP",
    "ReceiveCoilName": "Head_32",
    "ReconMatrixPE": 96,
    "RepetitionTime": 1.2,
    "SAR": 0.044071,
    "ScanOptions": "FS_EXT",
    "ScanningSequence": "EP",
    "SequenceName": "epfid2d1_96",
    "SequenceVariant": "SK_SS",
    "SeriesDescription": "CMRR_fMRI_TASK_PA_2.4mm_368meas",
    "SeriesNumber": 21,
    "ShimSetting": [
      4608,
      7714,
      1602,
      416,
      7,
      95,
      -35,
      -18
    ],
    "SliceThickness": 2.4,
    "SliceTiming": [
      0,
      0.63,
      0.08,
      0.7075,
      0.1575,
      0.7875,
      0.2375,
      0.865,
      0.315,
      0.945,
      0.395,
      1.0225,
      0.4725,
      1.1025,
      0.55,
      0,
      0.63,
      0.08,
      0.7075,
      0.1575,
      0.7875,
      0.2375,
      0.865,
      0.315,
      0.945,
      0.395,
      1.0225,
      0.4725,
      1.1025,
      0.55,
      0,
      0.63,
      0.08,
      0.7075,
      0.1575,
      0.7875,
      0.2375,
      0.865,
      0.315,
      0.945,
      0.395,
      1.0225,
      0.4725,
      1.1025,
      0.55,
      0,
      0.63,
      0.08,
      0.7075,
      0.1575,
      0.7875,
      0.2375,
      0.865,
      0.315,
      0.945,
      0.395,
      1.0225,
      0.4725,
      1.1025,
      0.55
    ],
    "SoftwareVersions": "syngo_MR_E11",
    "SpacingBetweenSlices": 2.4,
    "StationName": "CCIRWP-MR30A",
    "TaskName": "reward",
    "TotalReadoutTime": 0.0465489,
    "TxRefAmp": 239.132,
    "acq_id": "multiband2p4flatPA",
    "dataset": "ds001399",
    "modality": "bold",
    "run_id": 2,
    "session_id": "01",
    "subject_id": "MOCCAG002",
    "task_id": "reward"
  },
  "dummy_trs": 1,
  "dvars_nstd": 36.22234116240441,
  "dvars_std": 1.2980617986338792,
  "dvars_vstd": 0.9890391001366129,
  "efc": 0.4632911806337502,
  "fber": 4223.7607421875,
  "fd_mean": 0.08293633835180302,
  "fd_num": 2,
  "fd_perc": 0.5449591280653951,
  "fwhm_avg": 1.7934296379725996,
  "fwhm_x": 1.700414665100584,
  "fwhm_y": 1.900269976077867,
  "fwhm_z": 1.779604272739347,
  "gcor": 0.00898358,
  "gsr_x": -0.01600460521876812,
  "gsr_y": 0.016793513670563698,
  "provenance": {
    "md5sum": "d7ca4e1445c242420fbe59b72a05a3b9",
    "settings": {
      "fd_thres": 0.2,
      "testing": false
    },
    "software": "mriqc",
    "version": "22.0.6",
    "webapi_port": null,
    "webapi_url": "https://mriqc.nimh.nih.gov/api/v1"
  },
  "size_t": 367,
  "size_x": 96,
  "size_y": 96,
  "size_z": 60,
  "snr": 6.042989502320886,
  "spacing_tr": 1.2000000476837158,
  "spacing_x": 2.3958332538604736,
  "spacing_y": 2.3958332538604736,
  "spacing_z": 2.3999998569488525,
  "summary_bg_k": 34.74129076549732,
  "summary_bg_mad": 53.664545762409574,
  "summary_bg_mean": 230.24586486816406,
  "summary_bg_median": 76.68119812011719,
  "summary_bg_n": 399042.0,
  "summary_bg_p05": 33.20163345336914,
  "summary_bg_p95": 1043.9124328613277,
  "summary_bg_stdv": 426.8892517089844,
  "summary_fg_k": 1.7854291191895326,
  "summary_fg_mad": 776.2494025636294,
  "summary_fg_mean": 5019.77392578125,
  "summary_fg_median": 4970.7275390625,
  "summary_fg_n": 82617.0,
  "summary_fg_p05": 3860.33623046875,
  "summary_fg_p95": 6379.3443359375,
  "summary_fg_stdv": 822.5560302734375,
  "tsnr": 51.26314352732152
}