{
  "aor": 0.002638086734693877,
  "aqi": 0.0307012875,
  "bids_meta": {
    "AcquisitionMatrixPE": 96,
    "AcquisitionNumber": 1,
    "AcquisitionTime": "15:54:49.360000",
    "BandwidthPerPixelPhaseEncode": 21.259,
    "BaseResolution": 96,
    "BodyPartExamined": "BRAIN",
    "ConsistencyInfo": "N4_VE11C_LATEST_20160120",
    "ConversionSoftware": "dcm2niix",
    "ConversionSoftwareVersion": "v1.0.20180328 (OpenJPEG build) Clang8.1.0",
    "DerivedVendorReportedEchoSpacing": 0.000489989,
    "DeviceSerialNumber": "167047",
    "DwellTime": 2e-06,
    "EchoTime": 0.03,
    "EchoTrainLength": 96,
    "EffectiveEchoSpacing": 0.000489989,
    "FlipAngle": 52,
    "ImageComments": "Unaliased_MB4_PE3_LB",
    "ImageOrientationPatientDICOM": [
      0.998569,
      0.0332019,
      -0.0419231,
      -0.0268461,
      0.989216,
      0.143983
    ],
    "ImageType": [
      "ORIGINAL",
      "PRIMARY",
      "M",
      "MB",
      "ND",
      "NORM",
      "MOSAIC"
    ],
    "InPlanePhaseEncodingDirectionDICOM": "COL",
    "InstitutionAddress": "South_Kingshighway_510_Saint_Louis_MO_US_63110",
    "InstitutionName": "CCIR_PRISMA",
    "InstitutionalDepartmentName": "WP-MR30A",
    "MRAcquisitionType": "2D",
    "MagneticFieldStrength": 3,
    "Manufacturer": "Siemens",
    "ManufacturersModelName": "Prisma_fit",
    "Modality": "MR",
    "MultibandAccelerationFactor": 4,
    "PartialFourier": 1,
    "PatientPosition": "HFS",
    "PercentPhaseFOV": 100,
    "PhaseEncodingDirection": "j",
    "PhaseEncodingSteps": 96,
    "PhaseResolution": 1,
    "PixelBandwidth": 2605,
    "ProcedureStepDescription": "CCIR-00900_CCIR-0986_Braver",
    "ProtocolName": "CMRR_fMRI_TASK_PA_2.4mm_893meas",
    "PulseSequenceDetails": "%CustomerSeq%_cmrr_mbep2d_bold",
    "ReceiveCoilActiveElements": "HEA;HEP",
    "ReceiveCoilName": "Head_32",
    "ReconMatrixPE": 96,
    "RepetitionTime": 1.2,
    "SAR": 0.0616192,
    "ScanOptions": "FS_EXT",
    "ScanningSequence": "EP",
    "SequenceName": "epfid2d1_96",
    "SequenceVariant": "SK_SS",
    "SeriesDescription": "CMRR_fMRI_TASK_PA_2.4mm_893meas",
    "SeriesNumber": 29,
    "ShimSetting": [
      4589,
      7664,
      1628,
      357,
      -6,
      -147,
      68,
      58
    ],
    "SliceThickness": 2.4,
    "SliceTiming": [
      0,
      0.63,
      0.08,
      0.7075,
      0.1575,
      0.7875,
      0.2375,
      0.865,
      0.315,
      0.945,
      0.395,
      1.0225,
      0.4725,
      1.1025,
      0.55,
      0,
      0.63,
      0.08,
      0.7075,
      0.1575,
      0.7875,
      0.2375,
      0.865,
      0.315,
      0.945,
      0.395,
      1.0225,
      0.4725,
      1.1025,
      0.55,
      0,
      0.63,
      0.08,
      0.7075,
      0.1575,
      0.7875,
      0.2375,
      0.865,
      0.315,
      0.945,
      0.395,
      1.0225,
      0.4725,
      1.1025,
      0.55,
      0,
      0.63,
      0.08,
      0.7075,
      0.1575,
      0.7875,
      0.2375,
      0.865,
      0.315,
      0.945,
      0.395,
      1.0225,
      0.4725,
      1.1025,
      0.55
    ],
    "SoftwareVersions": "syngo_MR_E11",
    "SpacingBetweenSlices": 2.4,
    "StationName": "CCIRWP-MR30A",
    "TaskName": "delay",
    "TotalReadoutTime": 0.0465489,
    "TxRefAmp": 276.498,
    "acq_id": "multiband2p4flatPA",
    "dataset": "ds001399",
    "modality": "bold",
    "run_id": 4,
    "session_id": "01",
    "subject_id": "MOCCAG003",
    "task_id": "delay"
  },
  "dummy_trs": 8,
  "dvars_nstd": 43.36672101570881,
  "dvars_std": 1.150664012911877,
  "dvars_vstd": 0.9401706195402288,
  "efc": 0.5012082224254967,
  "fber": 3271.1455078125,
  "fd_mean": 0.2982203446283095,
  "fd_num": 385,
  "fd_perc": 49.107142857142854,
  "fwhm_avg": 1.9032094059310147,
  "fwhm_x": 1.7701732761102187,
  "fwhm_y": 2.042742328629944,
  "fwhm_z": 1.8967126130528815,
  "gcor": 0.0244484,
  "gsr_x": -0.017854660749435425,
  "gsr_y": 0.0361056886613369,
  "provenance": {
    "md5sum": "4342ec4ce19b244b0f7c0ed397a87408",
    "settings": {
      "fd_thres": 0.2,
      "testing": false
    },
    "software": "mriqc",
    "version": "22.0.6",
    "webapi_port": null,
    "webapi_url": "https://mriqc.nimh.nih.gov/api/v1"
  },
  "size_t": 784,
  "size_x": 96,
  "size_y": 96,
  "size_z": 60,
  "snr": 5.6238991084048,
  "spacing_tr": 1.2000000476837158,
  "spacing_x": 2.3958332538604736,
  "spacing_y": 2.3958332538604736,
  "spacing_z": 2.3999998569488525,
  "summary_bg_k": 17.45272827877863,
  "summary_bg_mad": 94.85817310035574,
  "summary_bg_mean": 389.8211975097656,
  "summary_bg_median": 108.2193832397461,
  "summary_bg_n": 388327.0,
  "summary_bg_p05": 33.55229568481445,
  "summary_bg_p95": 1874.9990234375014,
  "summary_bg_stdv": 690.678466796875,
  "summary_fg_k": 1.9892275359614757,
  "summary_fg_mad": 998.0917227030395,
  "summary_fg_mean": 6136.85498046875,
  "summary_fg_median": 6078.4560546875,
  "summary_fg_n": 91998.0,
  "summary_fg_p05": 4605.889575195312,
  "summary_fg_p95": 7899.153833007812,
  "summary_fg_stdv": 1080.820068359375,
  "tsnr": 27.540360519196838
}