{
  "aor": 0.007315576923076923,
  "aqi": 0.012129110442307692,
  "bids_meta": {
    "AcquisitionMatrixPE": 76,
    "AcquisitionNumber": 1,
    "AcquisitionTime": "15:37:28.072500",
    "BandwidthPerPixelPhaseEncode": 26.853,
    "BaseResolution": 76,
    "BodyPartExamined": "BRAIN",
    "ConsistencyInfo": "N4_VE11C_LATEST_20160120",
    "ConversionSoftware": "dcm2niix",
    "ConversionSoftwareVersion": "v1.0.20180328 (OpenJPEG build) Clang8.1.0",
    "DerivedVendorReportedEchoSpacing": 0.000489997,
    "DeviceSerialNumber": "167047",
    "DwellTime": 2.5e-06,
    "EchoTime": 0.03,
    "EchoTrainLength": 76,
    "EffectiveEchoSpacing": 0.000489997,
    "FlipAngle": 52,
    "ImageComments": "Unaliased_MB2_PE2_LB",
    "ImageOrientationPatientDICOM": [
      0.998569,
      0.0332019,
      -0.0419231,
      -0.0268461,
      0.989216,
      0.143983
    ],
    "ImageType": [
      "ORIGINAL",
      "PRIMARY",
      "M",
      "MB",
      "ND",
      "NORM",
      "MOSAIC"
    ],
    "InPlanePhaseEncodingDirectionDICOM": "COL",
    "InstitutionAddress": "South_Kingshighway_510_Saint_Louis_MO_US_63110",
    "InstitutionName": "CCIR_PRISMA",
    "InstitutionalDepartmentName": "WP-MR30A",
    "MRAcquisitionType": "2D",
    "MagneticFieldStrength": 3,
    "Manufacturer": "Siemens",
    "ManufacturersModelName": "Prisma_fit",
    "Modality": "MR",
    "MultibandAccelerationFactor": 2,
    "PartialFourier": 1,
    "PatientPosition": "HFS",
    "PercentPhaseFOV": 100,
    "PhaseEncodingDirection": "j",
    "PhaseEncodingSteps": 76,
    "PhaseResolution": 1,
    "PixelBandwidth": 2630,
    "ProcedureStepDescription": "CCIR-00900_CCIR-0986_Braver",
    "ProtocolName": "CMRR_fMRI_TASK_PA_3mm_596meas",
    "PulseSequenceDetails": "%CustomerSeq%_cmrr_mbep2d_bold",
    "ReceiveCoilActiveElements": "HEA;HEP",
    "ReceiveCoilName": "Head_32",
    "ReconMatrixPE": 76,
    "RepetitionTime": 1.8,
    "SAR": 0.0473033,
    "ScanOptions": "FS_EXT",
    "ScanningSequence": "EP",
    "SequenceName": "epfid2d1_76",
    "SequenceVariant": "SK_SS",
    "SeriesDescription": "CMRR_fMRI_TASK_PA_3mm_596meas",
    "SeriesNumber": 26,
    "ShimSetting": [
      4590,
      7662,
      1624,
      348,
      -3,
      -151,
      68,
      58
    ],
    "SliceThickness": 3,
    "SliceTiming": [
      0,
      1.3025,
      0.8225,
      0.3425,
      1.6425,
      1.165,
      0.685,
      0.205,
      1.5075,
      1.0275,
      0.5475,
      0.07,
      1.37,
      0.89,
      0.4125,
      1.7125,
      1.2325,
      0.7525,
      0.275,
      1.575,
      1.095,
      0.6175,
      0.1375,
      1.4375,
      0.96,
      0.48,
      0,
      1.3025,
      0.8225,
      0.3425,
      1.6425,
      1.165,
      0.685,
      0.205,
      1.5075,
      1.0275,
      0.5475,
      0.07,
      1.37,
      0.89,
      0.4125,
      1.7125,
      1.2325,
      0.7525,
      0.275,
      1.575,
      1.095,
      0.6175,
      0.1375,
      1.4375,
      0.96,
      0.48
    ],
    "SoftwareVersions": "syngo_MR_E11",
    "SpacingBetweenSlices": 3,
    "StationName": "CCIRWP-MR30A",
    "TaskName": "delay",
    "TotalReadoutTime": 0.0367498,
    "TxRefAmp": 276.498,
    "acq_id": "multiband3p0MB2PA",
    "dataset": "ds001399",
    "modality": "bold",
    "run_id": 3,
    "session_id": "01",
    "subject_id": "MOCCAG003",
    "task_id": "delay"
  },
  "dummy_trs": 1,
  "dvars_nstd": 31.347439100770668,
  "dvars_std": 1.3655609708092489,
  "dvars_vstd": 1.0194149506165706,
  "efc": 0.47955456621541487,
  "fber": 3744.881591796875,
  "fd_mean": 0.20012780337441952,
  "fd_num": 146,
  "fd_perc": 28.076923076923077,
  "fwhm_avg": 1.7053233333333335,
  "fwhm_x": 1.5782733333333334,
  "fwhm_y": 1.80933,
  "fwhm_z": 1.7283666666666668,
  "gcor": 0.0703783,
  "gsr_x": -0.012833152897655964,
  "gsr_y": 0.031890712678432465,
  "provenance": {
    "md5sum": "431c5f3a1d9f011dd3a9b765a34678eb",
    "settings": {
      "fd_thres": 0.2,
      "testing": false
    },
    "software": "mriqc",
    "version": "22.0.6",
    "webapi_port": null,
    "webapi_url": "https://mriqc.nimh.nih.gov/api/v1"
  },
  "size_t": 520,
  "size_x": 76,
  "size_y": 76,
  "size_z": 52,
  "snr": 5.130982755146751,
  "spacing_tr": 1.7999999523162842,
  "spacing_x": 3.0,
  "spacing_y": 3.0,
  "spacing_z": 3.0,
  "summary_bg_k": 20.588463465505118,
  "summary_bg_mad": 88.3060637530468,
  "summary_bg_mean": 379.4331359863281,
  "summary_bg_median": 109.88461303710938,
  "summary_bg_n": 209195.0,
  "summary_bg_p05": 40.1859619140625,
  "summary_bg_p95": 1813.8034179687497,
  "summary_bg_stdv": 679.5505981445312,
  "summary_fg_k": 2.662723862737752,
  "summary_fg_mad": 1179.946132664372,
  "summary_fg_mean": 6647.08935546875,
  "summary_fg_median": 6502.53466796875,
  "summary_fg_n": 43688.0,
  "summary_fg_p05": 4987.604248046875,
  "summary_fg_p95": 8764.438720703125,
  "summary_fg_stdv": 1267.2933349609375,
  "tsnr": 45.3965275650844
}