{
  "bids_meta": {
    "AccelFactPE": 2,
    "AcquisitionNumber": 1,
    "AcquisitionTime": "10:13:59.060000",
    "BodyPartExamined": "BRAIN",
    "ConversionSoftware": "dcm2niix",
    "ConversionSoftwareVersion": "v1.0.20170624 (OpenJPEG build) MSC1900",
    "DeviceSerialNumber": "167047",
    "EchoTime": 0.00225,
    "FlipAngle": 8,
    "ImageType": [
      "ORIGINAL",
      "PRIMARY",
      "M",
      "NORM",
      "DIS2D"
    ],
    "InstitutionAddress": "South_Kingshighway_510_Saint_Louis_MO_US_63110",
    "InstitutionName": "CCIR_PRISMA",
    "InversionTime": 1,
    "MagneticFieldStrength": 3,
    "Manufacturer": "Siemens",
    "ManufacturersModelName": "Prisma_fit",
    "PhaseEncodingDirection": "i-",
    "PhaseEncodingLines": 300,
    "ProcedureStepDescription": "CCIR-00900_Braver",
    "ProtocolName": "T1_MPRAGE_sag_p2_iso_0.8",
    "RepetitionTime": 2.4,
    "ScanningSequence": "GR_IR",
    "SequenceName": "_tfl3d1_16ns",
    "SequenceVariant": "SK_SP_MP",
    "SeriesDescription": "T1_MPRAGE_sag_p2_iso_0.8",
    "SoftwareVersions": "syngo_MR_E11",
    "dataset": "ds001399",
    "modality": "T1w",
    "session_id": "01",
    "subject_id": "MOCCAG001"
  },
  "cjv": 0.32845100258398685,
  "cnr": 3.990468136709998,
  "efc": 0.5354770903989949,
  "fber": 21907.28901234568,
  "fwhm_avg": 4.646227518164394,
  "fwhm_x": 4.536507694596502,
  "fwhm_y": 4.68041243025642,
  "fwhm_z": 4.721762429640257,
  "icvs_csf": 0.20462954211508064,
  "icvs_gm": 0.45849714257093643,
  "icvs_wm": 0.33687331531398296,
  "inu_med": 0.5063358843326569,
  "inu_range": 0.20003056973218913,
  "provenance": {
    "md5sum": "86935e394ff94c5dd55e8b7c943d073d",
    "settings": {
      "testing": false
    },
    "software": "mriqc",
    "version": "22.0.6",
    "warnings": {
      "large_rot_frame": true,
      "small_air_mask": false
    },
    "webapi_port": null,
    "webapi_url": "https://mriqc.nimh.nih.gov/api/v1"
  },
  "qi_1": 0.0,
  "qi_2": 0.02210410432728605,
  "rpve_csf": 23.747781331601402,
  "rpve_gm": 11.574254475439522,
  "rpve_wm": 17.23268413289135,
  "size_x": 224,
  "size_y": 300,
  "size_z": 320,
  "snr_csf": 2.2709307715682465,
  "snr_gm": 15.488757299941783,
  "snr_total": 13.74889945456732,
  "snr_wm": 23.487010292191933,
  "snrd_csf": 34.39210048349276,
  "snrd_gm": 98.51591392420102,
  "snrd_total": 88.48538444357764,
  "snrd_wm": 132.54813892303915,
  "spacing_x": 0.8000030517578125,
  "spacing_y": 0.800000011920929,
  "spacing_z": 0.800000011920929,
  "summary_bg_k": 12.743003208696114,
  "summary_bg_mad": 0.0,
  "summary_bg_mean": 3.238481351020965,
  "summary_bg_median": 0.0,
  "summary_bg_n": 6716318.0,
  "summary_bg_p05": 0.0,
  "summary_bg_p95": 11.154855601489544,
  "summary_bg_stdv": 4.942853590752353,
  "summary_csf_k": 0.6108774287409706,
  "summary_csf_mad": 94.3315554101441,
  "summary_csf_mean": 276.5081661127118,
  "summary_csf_median": 259.480495005846,
  "summary_csf_n": 102875.0,
  "summary_csf_p05": 96.47253109142186,
  "summary_csf_p95": 493.30255948007107,
  "summary_csf_stdv": 114.26118184968838,
  "summary_gm_k": 0.5685945071630045,
  "summary_gm_mad": 44.213723339462994,
  "summary_gm_mean": 742.6089962904153,
  "summary_gm_median": 743.2799320667982,
  "summary_gm_n": 146806.0,
  "summary_gm_p05": 662.0961148291826,
  "summary_gm_p95": 820.5041149631143,
  "summary_gm_stdv": 47.98818821709798,
  "summary_wm_k": 0.6008393124559714,
  "summary_wm_mad": 40.12110251441406,
  "summary_wm_mean": 999.6019264008233,
  "summary_wm_median": 1000.0452492386103,
  "summary_wm_n": 418379.0,
  "summary_wm_p05": 929.7900227829814,
  "summary_wm_p95": 1068.76187492162,
  "summary_wm_stdv": 42.57860160378149,
  "tpm_overlap_csf": 0.1477734140751255,
  "tpm_overlap_gm": 0.46045841036318363,
  "tpm_overlap_wm": 0.5032204534154864,
  "wm2max": 0.8917719220370445
}