{
  "bids_meta": {
    "AccelFactPE": 2,
    "AcquisitionNumber": 1,
    "AcquisitionTime": "10:20:33.270000",
    "BodyPartExamined": "BRAIN",
    "ConversionSoftware": "dcm2niix",
    "ConversionSoftwareVersion": "v1.0.20170624 (OpenJPEG build) MSC1900",
    "DeviceSerialNumber": "167047",
    "EchoTime": 0.409,
    "EchoTrainLength": 266,
    "FlipAngle": 120,
    "ImageType": [
      "ORIGINAL",
      "PRIMARY",
      "M",
      "NORM",
      "DIS2D"
    ],
    "InstitutionAddress": "South_Kingshighway_510_Saint_Louis_MO_US_63110",
    "InstitutionName": "CCIR_PRISMA",
    "MagneticFieldStrength": 3,
    "Manufacturer": "Siemens",
    "ManufacturersModelName": "Prisma_fit",
    "PhaseEncodingDirection": "i-",
    "PhaseEncodingLines": 320,
    "ProcedureStepDescription": "CCIR-00900_Braver",
    "ProtocolName": "t2_spc_sag_p2_iso_0.8",
    "RepetitionTime": 3,
    "ScanningSequence": "SE",
    "SequenceName": "_spcR_320ns",
    "SequenceVariant": "SK_SP",
    "SeriesDescription": "t2_spc_sag_p2_iso_0.8",
    "SoftwareVersions": "syngo_MR_E11",
    "dataset": "ds001399",
    "modality": "T2w",
    "session_id": "01",
    "subject_id": "MOCCAG001"
  },
  "cjv": 0.6323406785161626,
  "cnr": 1.4512835005905356,
  "efc": 0.573862686599404,
  "fber": -1.0,
  "fwhm_avg": 2.554363572011859,
  "fwhm_x": 2.4132282942646244,
  "fwhm_y": 2.7691499587364503,
  "fwhm_z": 2.4807124630345037,
  "icvs_csf": 0.3614436066074796,
  "icvs_gm": 0.46660213680101725,
  "icvs_wm": 0.17195425659150315,
  "inu_med": 1.0074009895324707,
  "inu_range": 0.2781415164470673,
  "provenance": {
    "md5sum": "bf4710e8f1387b35974628b9098c0f7d",
    "settings": {
      "testing": false
    },
    "software": "mriqc",
    "version": "22.0.6",
    "warnings": {
      "large_rot_frame": true,
      "small_air_mask": false
    },
    "webapi_port": null,
    "webapi_url": "https://mriqc.nimh.nih.gov/api/v1"
  },
  "qi_1": 0.002671824272046709,
  "qi_2": 0.011757493157618096,
  "rpve_csf": 14.081777764490303,
  "rpve_gm": 12.51545971255944,
  "rpve_wm": 34.76915545568845,
  "size_x": 224,
  "size_y": 320,
  "size_z": 320,
  "snr_csf": 13.157610473132687,
  "snr_gm": 12.719024588431239,
  "snr_total": 9.445563849448895,
  "snr_wm": 2.4600564867827583,
  "snrd_csf": 184.9405445768574,
  "snrd_gm": 131.40532896638888,
  "snrd_total": 212.74777206575936,
  "snrd_wm": 321.8974426540318,
  "spacing_x": 0.8000030517578125,
  "spacing_y": 0.800000011920929,
  "spacing_z": 0.800000011920929,
  "summary_bg_k": 190.78917518226638,
  "summary_bg_mad": 0.0,
  "summary_bg_mean": 0.6447328589341934,
  "summary_bg_median": 0.0,
  "summary_bg_n": 2158638.0,
  "summary_bg_p05": 0.0,
  "summary_bg_p95": 5.232367917895317,
  "summary_bg_stdv": 2.0353565347362297,
  "summary_csf_k": 0.678553012902662,
  "summary_csf_mad": 41.33752706416025,
  "summary_csf_mean": 576.6407064712373,
  "summary_csf_median": 574.5672900211066,
  "summary_csf_n": 72683.0,
  "summary_csf_p05": 509.2862330676988,
  "summary_csf_p95": 650.8726554904133,
  "summary_csf_stdv": 43.66775704635041,
  "summary_gm_k": 0.17911253735049515,
  "summary_gm_mad": 32.07160005933545,
  "summary_gm_mean": 408.4796873719972,
  "summary_gm_median": 408.2458172235638,
  "summary_gm_n": 355765.0,
  "summary_gm_p05": 356.40661655552685,
  "summary_gm_p95": 460.71483995579183,
  "summary_gm_stdv": 32.097213164976836,
  "summary_wm_k": -0.16616649504886905,
  "summary_wm_mad": 342.15692470916997,
  "summary_wm_mean": 921.3374877555481,
  "summary_wm_median": 1000.0605422332883,
  "summary_wm_n": 82222.0,
  "summary_wm_p05": 52.78514496060089,
  "summary_wm_p95": 1401.2802098522893,
  "summary_wm_stdv": 406.51686907278327,
  "tpm_overlap_csf": 0.10591025359913699,
  "tpm_overlap_gm": 0.32034258960074075,
  "tpm_overlap_wm": 0.03811341839243444,
  "wm2max": 0.7242146266988361
}