{
  "aor": 0.0013010109289617487,
  "aqi": 0.00827442568306011,
  "bids_meta": {
    "AcquisitionNumber": 1,
    "AcquisitionTime": "11:15:19.732500",
    "BandwidthPerPixelPhaseEncode": 21.259,
    "BodyPartExamined": "BRAIN",
    "ConversionSoftware": "dcm2niix",
    "ConversionSoftwareVersion": "v1.0.20170624 (OpenJPEG build) MSC1900",
    "DeviceSerialNumber": "167047",
    "EchoTime": 0.03,
    "EchoTrainLength": 96,
    "EffectiveEchoSpacing": 0.000489989,
    "FlipAngle": 52,
    "ImageType": [
      "ORIGINAL",
      "PRIMARY",
      "M",
      "MB",
      "ND",
      "NORM",
      "MOSAIC"
    ],
    "InstitutionAddress": "South_Kingshighway_510_Saint_Louis_MO_US_63110",
    "InstitutionName": "CCIR_PRISMA",
    "MagneticFieldStrength": 3,
    "Manufacturer": "Siemens",
    "ManufacturersModelName": "Prisma_fit",
    "PhaseEncodingDirection": "j",
    "PhaseEncodingLines": 96,
    "ProcedureStepDescription": "CCIR-00900_Braver",
    "ProtocolName": "CMRR_rfMRI_REST_PA_30_degree_2.4mm",
    "RepetitionTime": 1.2,
    "ScanningSequence": "EP",
    "SequenceName": "epfid2d1_96",
    "SequenceVariant": "SK_SS",
    "SeriesDescription": "CMRR_rfMRI_REST_PA_30_degree_2.4mm",
    "SliceTiming": [
      0,
      0.515,
      1.0325,
      0.3675,
      0.885,
      0.22,
      0.7375,
      0.0725,
      0.59,
      1.105,
      0.4425,
      0.9575,
      0.295,
      0.81,
      0.1475,
      0.6625,
      0,
      0.515,
      1.0325,
      0.3675,
      0.885,
      0.22,
      0.7375,
      0.0725,
      0.59,
      1.105,
      0.4425,
      0.9575,
      0.295,
      0.81,
      0.1475,
      0.6625,
      0,
      0.515,
      1.0325,
      0.3675,
      0.885,
      0.22,
      0.7375,
      0.0725,
      0.59,
      1.105,
      0.4425,
      0.9575,
      0.295,
      0.81,
      0.1475,
      0.6625,
      0,
      0.515,
      1.0325,
      0.3675,
      0.885,
      0.22,
      0.7375,
      0.0725,
      0.59,
      1.105,
      0.4425,
      0.9575,
      0.295,
      0.81,
      0.1475,
      0.6625
    ],
    "SoftwareVersions": "syngo_MR_E11",
    "TaskName": "reward",
    "TotalReadoutTime": 0.0465489,
    "acq_id": "multiband2p4tiltPA",
    "dataset": "ds001399",
    "modality": "bold",
    "run_id": 1,
    "session_id": "01",
    "subject_id": "MOCCAG001",
    "task_id": "reward"
  },
  "dummy_trs": 2,
  "dvars_nstd": 27.82731454936988,
  "dvars_std": 1.188296353013699,
  "dvars_vstd": 1.0181776006027397,
  "efc": 0.45636755529794293,
  "fber": 5796.56884765625,
  "fd_mean": 0.09205642205903265,
  "fd_num": 19,
  "fd_perc": 5.191256830601093,
  "fwhm_avg": 1.8200516878670625,
  "fwhm_x": 1.7345030140574251,
  "fwhm_y": 1.815589625442824,
  "fwhm_z": 1.9100624241009385,
  "gcor": 0.0112653,
  "gsr_x": -0.017409443855285645,
  "gsr_y": 0.023523814976215363,
  "provenance": {
    "md5sum": "6eb5afbd2e6b6aabfa1cc0678fb281f9",
    "settings": {
      "fd_thres": 0.2,
      "testing": false
    },
    "software": "mriqc",
    "version": "22.0.6",
    "webapi_port": null,
    "webapi_url": "https://mriqc.nimh.nih.gov/api/v1"
  },
  "size_t": 366,
  "size_x": 96,
  "size_y": 96,
  "size_z": 64,
  "snr": 6.160171998248675,
  "spacing_tr": 1.2000000476837158,
  "spacing_x": 2.3958332538604736,
  "spacing_y": 2.3958332538604736,
  "spacing_z": 2.4000000953674316,
  "summary_bg_k": 25.1051028932968,
  "summary_bg_mad": 59.5106793691821,
  "summary_bg_mean": 264.8843078613281,
  "summary_bg_median": 78.5928955078125,
  "summary_bg_n": 429889.0,
  "summary_bg_p05": 29.0,
  "summary_bg_p95": 1259.6218505859374,
  "summary_bg_stdv": 506.05181884765625,
  "summary_fg_k": 2.162120848216631,
  "summary_fg_mad": 874.877198583748,
  "summary_fg_mean": 6075.22509765625,
  "summary_fg_median": 6002.77294921875,
  "summary_fg_n": 84831.0,
  "summary_fg_p05": 4758.72119140625,
  "summary_fg_p95": 7722.57080078125,
  "summary_fg_stdv": 974.4431762695312,
  "tsnr": 62.82941623404622
}