{
  "aor": 0.0018253863636363634,
  "aqi": 0.005310135727272728,
  "bids_meta": {
    "AcquisitionNumber": 1,
    "AcquisitionTime": "12:20:27.070000",
    "BandwidthPerPixelPhaseEncode": 26.853,
    "BodyPartExamined": "BRAIN",
    "ConversionSoftware": "dcm2niix",
    "ConversionSoftwareVersion": "v1.0.20170624 (OpenJPEG build) MSC1900",
    "DeviceSerialNumber": "167047",
    "EchoTime": 0.03,
    "EchoTrainLength": 76,
    "EffectiveEchoSpacing": 0.000489997,
    "FlipAngle": 52,
    "ImageType": [
      "ORIGINAL",
      "PRIMARY",
      "M",
      "MB",
      "ND",
      "NORM",
      "MOSAIC"
    ],
    "InstitutionAddress": "South_Kingshighway_510_Saint_Louis_MO_US_63110",
    "InstitutionName": "CCIR_PRISMA",
    "MagneticFieldStrength": 3,
    "Manufacturer": "Siemens",
    "ManufacturersModelName": "Prisma_fit",
    "PhaseEncodingDirection": "j",
    "PhaseEncodingLines": 76,
    "ProcedureStepDescription": "CCIR-00900_Braver",
    "ProtocolName": "CMRR_fMRI_TASK_PA_3mm_442meas",
    "RepetitionTime": 1,
    "ScanningSequence": "EP",
    "SequenceName": "epfid2d1_76",
    "SequenceVariant": "SK_SS",
    "SeriesDescription": "CMRR_fMRI_TASK_PA_3mm_442meas",
    "SliceTiming": [
      0,
      0.5275,
      0.075,
      0.6025,
      0.15,
      0.6775,
      0.2275,
      0.755,
      0.3025,
      0.83,
      0.3775,
      0.905,
      0.4525,
      0,
      0.5275,
      0.075,
      0.6025,
      0.15,
      0.6775,
      0.2275,
      0.755,
      0.3025,
      0.83,
      0.3775,
      0.905,
      0.4525,
      0,
      0.5275,
      0.075,
      0.6025,
      0.15,
      0.6775,
      0.2275,
      0.755,
      0.3025,
      0.83,
      0.3775,
      0.905,
      0.4525,
      0,
      0.5275,
      0.075,
      0.6025,
      0.15,
      0.6775,
      0.2275,
      0.755,
      0.3025,
      0.83,
      0.3775,
      0.905,
      0.4525
    ],
    "SoftwareVersions": "syngo_MR_E11",
    "TaskName": "reward",
    "TotalReadoutTime": 0.0367498,
    "acq_id": "multiband3p0flatPA",
    "dataset": "ds001399",
    "modality": "bold",
    "run_id": 8,
    "session_id": "01",
    "subject_id": "MOCCAG001",
    "task_id": "reward"
  },
  "dummy_trs": 2,
  "dvars_nstd": 16.194265546013664,
  "dvars_std": 1.1245959186104784,
  "dvars_vstd": 1.0114219104100228,
  "efc": 0.4437100684736725,
  "fber": 7668.48876953125,
  "fd_mean": 0.09391842048969154,
  "fd_num": 25,
  "fd_perc": 5.681818181818182,
  "fwhm_avg": 1.6807344444444443,
  "fwhm_x": 1.5671933333333332,
  "fwhm_y": 1.7863533333333335,
  "fwhm_z": 1.6886566666666667,
  "gcor": 0.018294,
  "gsr_x": -0.014863742515444756,
  "gsr_y": 0.02480609528720379,
  "provenance": {
    "md5sum": "71a6b93c85be7aa1bdcb1edd0959780a",
    "settings": {
      "fd_thres": 0.2,
      "testing": false
    },
    "software": "mriqc",
    "version": "22.0.6",
    "webapi_port": null,
    "webapi_url": "https://mriqc.nimh.nih.gov/api/v1"
  },
  "size_t": 440,
  "size_x": 76,
  "size_y": 76,
  "size_z": 52,
  "snr": 7.284086377094227,
  "spacing_tr": 1.0,
  "spacing_x": 3.0,
  "spacing_y": 3.0,
  "spacing_z": 3.0,
  "summary_bg_k": 27.304148754174868,
  "summary_bg_mad": 60.09930260600728,
  "summary_bg_mean": 234.3968505859375,
  "summary_bg_median": 67.81136322021484,
  "summary_bg_n": 214053.0,
  "summary_bg_p05": 21.122726440429688,
  "summary_bg_p95": 1063.785424804687,
  "summary_bg_stdv": 454.2236633300781,
  "summary_fg_k": 2.172289519092761,
  "summary_fg_mad": 710.9059539562749,
  "summary_fg_mean": 5873.38671875,
  "summary_fg_median": 5825.58984375,
  "summary_fg_n": 39500.0,
  "summary_fg_p05": 4751.415209960937,
  "summary_fg_p95": 7233.909619140625,
  "summary_fg_stdv": 799.7593383789062,
  "tsnr": 89.23322153789923
}