{
  "aor": 0.001807568306010929,
  "aqi": 0.00786003868852459,
  "bids_meta": {
    "AcquisitionNumber": 1,
    "AcquisitionTime": "11:23:47.875000",
    "BandwidthPerPixelPhaseEncode": 21.259,
    "BodyPartExamined": "BRAIN",
    "ConversionSoftware": "dcm2niix",
    "ConversionSoftwareVersion": "v1.0.20170624 (OpenJPEG build) MSC1900",
    "DeviceSerialNumber": "167047",
    "EchoTime": 0.03,
    "EchoTrainLength": 96,
    "EffectiveEchoSpacing": 0.000489989,
    "FlipAngle": 52,
    "ImageType": [
      "ORIGINAL",
      "PRIMARY",
      "M",
      "MB",
      "ND",
      "NORM",
      "MOSAIC"
    ],
    "InstitutionAddress": "South_Kingshighway_510_Saint_Louis_MO_US_63110",
    "InstitutionName": "CCIR_PRISMA",
    "MagneticFieldStrength": 3,
    "Manufacturer": "Siemens",
    "ManufacturersModelName": "Prisma_fit",
    "PhaseEncodingDirection": "j-",
    "PhaseEncodingLines": 96,
    "ProcedureStepDescription": "CCIR-00900_Braver",
    "ProtocolName": "CMRR_rfMRI_REST_AP_30_degree_2.4mm",
    "RepetitionTime": 1.2,
    "ScanningSequence": "EP",
    "SequenceName": "epfid2d1_96",
    "SequenceVariant": "SK_SS",
    "SeriesDescription": "CMRR_rfMRI_REST_AP_30_degree_2.4mm",
    "SliceTiming": [
      0,
      0.5175,
      1.0325,
      0.37,
      0.885,
      0.2225,
      0.7375,
      0.075,
      0.59,
      1.1075,
      0.4425,
      0.96,
      0.295,
      0.8125,
      0.1475,
      0.665,
      0,
      0.5175,
      1.0325,
      0.37,
      0.885,
      0.2225,
      0.7375,
      0.075,
      0.59,
      1.1075,
      0.4425,
      0.96,
      0.295,
      0.8125,
      0.1475,
      0.665,
      0,
      0.5175,
      1.0325,
      0.37,
      0.885,
      0.2225,
      0.7375,
      0.075,
      0.59,
      1.1075,
      0.4425,
      0.96,
      0.295,
      0.8125,
      0.1475,
      0.665,
      0,
      0.5175,
      1.0325,
      0.37,
      0.885,
      0.2225,
      0.7375,
      0.075,
      0.59,
      1.1075,
      0.4425,
      0.96,
      0.295,
      0.8125,
      0.1475,
      0.665
    ],
    "SoftwareVersions": "syngo_MR_E11",
    "TaskName": "reward",
    "TotalReadoutTime": 0.0465489,
    "acq_id": "multiband2p4tiltAP",
    "dataset": "ds001399",
    "modality": "bold",
    "run_id": 2,
    "session_id": "01",
    "subject_id": "MOCCAG001",
    "task_id": "reward"
  },
  "dummy_trs": 2,
  "dvars_nstd": 28.572399040164406,
  "dvars_std": 1.240706069041096,
  "dvars_vstd": 1.0225786835068496,
  "efc": 0.44947214545246866,
  "fber": 6113.72998046875,
  "fd_mean": 0.1029778525197091,
  "fd_num": 25,
  "fd_perc": 6.830601092896175,
  "fwhm_avg": 1.9415242356549995,
  "fwhm_x": 1.8339297999642348,
  "fwhm_y": 1.9927221530576675,
  "fwhm_z": 1.9979207539430957,
  "gcor": 0.0105248,
  "gsr_x": -0.011375469155609608,
  "gsr_y": 0.030765913426876068,
  "provenance": {
    "md5sum": "06759dda90b4cc182afb63e7ecd3cad7",
    "settings": {
      "fd_thres": 0.2,
      "testing": false
    },
    "software": "mriqc",
    "version": "22.0.6",
    "webapi_port": null,
    "webapi_url": "https://mriqc.nimh.nih.gov/api/v1"
  },
  "size_t": 366,
  "size_x": 96,
  "size_y": 96,
  "size_z": 64,
  "snr": 5.500716138793768,
  "spacing_tr": 1.2000000476837158,
  "spacing_x": 2.3958332538604736,
  "spacing_y": 2.3958332538604736,
  "spacing_z": 2.4000000953674316,
  "summary_bg_k": 29.782015573411925,
  "summary_bg_mad": 59.012425393329494,
  "summary_bg_mean": 243.1952667236328,
  "summary_bg_median": 79.84699249267578,
  "summary_bg_n": 428003.0,
  "summary_bg_p05": 31.748632431030273,
  "summary_bg_p95": 1054.8373779296871,
  "summary_bg_stdv": 464.1679992675781,
  "summary_fg_k": 3.8810443183548173,
  "summary_fg_mad": 896.7593359171312,
  "summary_fg_mean": 6334.138671875,
  "summary_fg_median": 6254.21826171875,
  "summary_fg_n": 87789.0,
  "summary_fg_p05": 4811.1541015625,
  "summary_fg_p95": 8113.424902343748,
  "summary_fg_stdv": 1136.97607421875,
  "tsnr": 64.08625173731707
}