{
  "aor": 0.0016158630136986298,
  "aqi": 0.007939184602739726,
  "bids_meta": {
    "AcquisitionNumber": 1,
    "AcquisitionTime": "12:03:49.977500",
    "BandwidthPerPixelPhaseEncode": 21.259,
    "BodyPartExamined": "BRAIN",
    "ConversionSoftware": "dcm2niix",
    "ConversionSoftwareVersion": "v1.0.20170624 (OpenJPEG build) MSC1900",
    "DeviceSerialNumber": "167047",
    "EchoTime": 0.03,
    "EchoTrainLength": 96,
    "EffectiveEchoSpacing": 0.000489989,
    "FlipAngle": 52,
    "ImageType": [
      "ORIGINAL",
      "PRIMARY",
      "M",
      "MB",
      "ND",
      "NORM",
      "MOSAIC"
    ],
    "InstitutionAddress": "South_Kingshighway_510_Saint_Louis_MO_US_63110",
    "InstitutionName": "CCIR_PRISMA",
    "MagneticFieldStrength": 3,
    "Manufacturer": "Siemens",
    "ManufacturersModelName": "Prisma_fit",
    "PhaseEncodingDirection": "j",
    "PhaseEncodingLines": 96,
    "ProcedureStepDescription": "CCIR-00900_Braver",
    "ProtocolName": "CMRR_fMRI_TASK_PA_2.4mm_368meas",
    "RepetitionTime": 1.2,
    "ScanningSequence": "EP",
    "SequenceName": "epfid2d1_96",
    "SequenceVariant": "SK_SS",
    "SeriesDescription": "CMRR_fMRI_TASK_PA_2.4mm_368meas",
    "SliceTiming": [
      0,
      0.6275,
      0.0775,
      0.7075,
      0.155,
      0.785,
      0.235,
      0.865,
      0.3125,
      0.9425,
      0.3925,
      1.0225,
      0.47,
      1.1,
      0.55,
      0,
      0.6275,
      0.0775,
      0.7075,
      0.155,
      0.785,
      0.235,
      0.865,
      0.3125,
      0.9425,
      0.3925,
      1.0225,
      0.47,
      1.1,
      0.55,
      0,
      0.6275,
      0.0775,
      0.7075,
      0.155,
      0.785,
      0.235,
      0.865,
      0.3125,
      0.9425,
      0.3925,
      1.0225,
      0.47,
      1.1,
      0.55,
      0,
      0.6275,
      0.0775,
      0.7075,
      0.155,
      0.785,
      0.235,
      0.865,
      0.3125,
      0.9425,
      0.3925,
      1.0225,
      0.47,
      1.1,
      0.55
    ],
    "SoftwareVersions": "syngo_MR_E11",
    "TaskName": "reward",
    "TotalReadoutTime": 0.0465489,
    "acq_id": "multiband2p4flatPA",
    "dataset": "ds001399",
    "modality": "bold",
    "run_id": 6,
    "session_id": "01",
    "subject_id": "MOCCAG001",
    "task_id": "reward"
  },
  "dummy_trs": 3,
  "dvars_nstd": 25.946271047280213,
  "dvars_std": 1.159584180467033,
  "dvars_vstd": 1.0185410002472528,
  "efc": 0.4702768619682036,
  "fber": 4370.40771484375,
  "fd_mean": 0.08561831157501579,
  "fd_num": 19,
  "fd_perc": 5.205479452054795,
  "fwhm_avg": 1.8459554587864713,
  "fwhm_x": 1.7383346663584391,
  "fwhm_y": 1.9694692827211224,
  "fwhm_z": 1.8300624272798527,
  "gcor": 0.00967476,
  "gsr_x": -0.021740581840276718,
  "gsr_y": 0.027954326942563057,
  "provenance": {
    "md5sum": "d7775a7973b4cf5c2c12f5285feca970",
    "settings": {
      "fd_thres": 0.2,
      "testing": false
    },
    "software": "mriqc",
    "version": "22.0.6",
    "webapi_port": null,
    "webapi_url": "https://mriqc.nimh.nih.gov/api/v1"
  },
  "size_t": 365,
  "size_x": 96,
  "size_y": 96,
  "size_z": 60,
  "snr": 6.193654757225516,
  "spacing_tr": 1.2000000476837158,
  "spacing_x": 2.3958332538604736,
  "spacing_y": 2.3958332538604736,
  "spacing_z": 2.4000000953674316,
  "summary_bg_k": 29.20974369050284,
  "summary_bg_mad": 70.16973893239873,
  "summary_bg_mean": 289.0820617675781,
  "summary_bg_median": 91.76986694335938,
  "summary_bg_n": 396062.0,
  "summary_bg_p05": 34.9068489074707,
  "summary_bg_p95": 1294.3036499023433,
  "summary_bg_stdv": 530.5401000976562,
  "summary_fg_k": 2.2855804475657324,
  "summary_fg_mad": 860.7504897498036,
  "summary_fg_mean": 6128.9521484375,
  "summary_fg_median": 6053.6630859375,
  "summary_fg_n": 84527.0,
  "summary_fg_p05": 4793.96611328125,
  "summary_fg_p95": 7780.383691406249,
  "summary_fg_stdv": 977.3917846679688,
  "tsnr": 65.2291084418539
}