{
  "bids_meta": {
    "AcquisitionMatrixPE": 300,
    "AcquisitionNumber": 1,
    "AcquisitionTime": "14:23:10.995000",
    "BaseResolution": 320,
    "BodyPartExamined": "BRAIN",
    "ConsistencyInfo": "N4_VE11C_LATEST_20160120",
    "ConversionSoftware": "dcm2niix",
    "ConversionSoftwareVersion": "v1.0.20180328 (OpenJPEG build) Clang8.1.0",
    "DeviceSerialNumber": "167047",
    "DwellTime": 7.1e-06,
    "EchoTime": 0.00225,
    "FlipAngle": 8,
    "ImageOrientationPatientDICOM": [
      -0.0269006,
      0.989204,
      0.144057,
      -0.0462534,
      0.142723,
      -0.988681
    ],
    "ImageType": [
      "ORIGINAL",
      "PRIMARY",
      "M",
      "NORM",
      "DIS2D"
    ],
    "InPlanePhaseEncodingDirectionDICOM": "ROW",
    "InstitutionAddress": "South_Kingshighway_510_Saint_Louis_MO_US_63110",
    "InstitutionName": "CCIR_PRISMA",
    "InstitutionalDepartmentName": "WP-MR30A",
    "InversionTime": 1,
    "MRAcquisitionType": "3D",
    "MagneticFieldStrength": 3,
    "Manufacturer": "Siemens",
    "ManufacturersModelName": "Prisma_fit",
    "Modality": "MR",
    "ParallelReductionFactorInPlane": 2,
    "PartialFourier": 1,
    "PatientPosition": "HFS",
    "PercentPhaseFOV": 93.75,
    "PhaseEncodingSteps": 299,
    "PhaseResolution": 1,
    "PixelBandwidth": 220,
    "ProcedureStepDescription": "CCIR-00900_CCIR-0986_Braver",
    "ProtocolName": "T1_MPRAGE_sag_p2_iso_0.8",
    "PulseSequenceDetails": "%SiemensSeq%_tfl",
    "ReceiveCoilActiveElements": "HEA;HEP",
    "ReceiveCoilName": "Head_32",
    "ReconMatrixPE": 320,
    "RepetitionTime": 2.4,
    "SAR": 0.055435,
    "ScanOptions": "IR_WE",
    "ScanningSequence": "GR_IR",
    "SequenceName": "_tfl3d1_16ns",
    "SequenceVariant": "SK_SP_MP",
    "SeriesDescription": "T1_MPRAGE_sag_p2_iso_0.8",
    "SeriesNumber": 7,
    "ShimSetting": [
      4593,
      7649,
      1620,
      339,
      12,
      -196,
      84,
      56
    ],
    "SliceThickness": 0.8,
    "SoftwareVersions": "syngo_MR_E11",
    "StationName": "CCIRWP-MR30A",
    "TxRefAmp": 276.498,
    "dataset": "ds001399",
    "modality": "T1w",
    "session_id": "01",
    "subject_id": "MOCCAG003"
  },
  "cjv": 0.3291331838344925,
  "cnr": 3.9889303803460145,
  "efc": 0.5550471586099678,
  "fber": 27478.206706302022,
  "fwhm_avg": 4.583972583739635,
  "fwhm_x": 4.547230388379433,
  "fwhm_y": 4.620062431155705,
  "fwhm_z": 4.584624931683765,
  "icvs_csf": 0.24608964537108585,
  "icvs_gm": 0.42325032465032514,
  "icvs_wm": 0.330660029978589,
  "inu_med": 0.4596354067325592,
  "inu_range": 0.15371780693531034,
  "provenance": {
    "md5sum": "ada8807d6e3eb9d38d0d045702aee57c",
    "settings": {
      "testing": false
    },
    "software": "mriqc",
    "version": "22.0.6",
    "warnings": {
      "large_rot_frame": true,
      "small_air_mask": false
    },
    "webapi_port": null,
    "webapi_url": "https://mriqc.nimh.nih.gov/api/v1"
  },
  "qi_1": 0.0,
  "qi_2": 0.026283258833475452,
  "rpve_csf": 20.169893097212626,
  "rpve_gm": 11.850175534498495,
  "rpve_wm": 17.424277317119316,
  "size_x": 224,
  "size_y": 300,
  "size_z": 320,
  "snr_csf": 2.782024910308199,
  "snr_gm": 12.388368945469239,
  "snr_total": 13.504438331246618,
  "snr_wm": 25.34292113796242,
  "snrd_csf": 40.642611196910416,
  "snrd_gm": 107.20783419750389,
  "snrd_total": 98.9687823437218,
  "snrd_wm": 149.05590163675112,
  "spacing_x": 0.7999968528747559,
  "spacing_y": 0.800000011920929,
  "spacing_z": 0.800000011920929,
  "summary_bg_k": 21.46817958563428,
  "summary_bg_mad": 4.395343923303016,
  "summary_bg_mean": 3.568205144903777,
  "summary_bg_median": 2.964614424854517,
  "summary_bg_n": 7213851.0,
  "summary_bg_p05": 0.0,
  "summary_bg_p95": 11.834740784019232,
  "summary_bg_stdv": 5.109201544813078,
  "summary_csf_k": 0.8131755118882373,
  "summary_csf_mad": 85.51581137178349,
  "summary_csf_mean": 284.0843603904643,
  "summary_csf_median": 272.67337634041905,
  "summary_csf_n": 167132.0,
  "summary_csf_p05": 135.6026496386156,
  "summary_csf_p95": 461.8632104769349,
  "summary_csf_stdv": 98.01226422750321,
  "summary_gm_k": 0.3424283035922753,
  "summary_gm_mad": 54.92421766559449,
  "summary_gm_mean": 719.0528634559248,
  "summary_gm_median": 719.2628933005035,
  "summary_gm_n": 116388.0,
  "summary_gm_p05": 623.4939889200032,
  "summary_gm_p95": 815.5535698197782,
  "summary_gm_stdv": 58.05928177664823,
  "summary_wm_k": 0.4761616446742396,
  "summary_wm_mad": 37.48349297792812,
  "summary_wm_mean": 998.6259598946859,
  "summary_wm_median": 1000.0237377919257,
  "summary_wm_n": 440135.0,
  "summary_wm_p05": 932.5491134822369,
  "summary_wm_p95": 1061.1422287747264,
  "summary_wm_stdv": 39.45964225296997,
  "tpm_overlap_csf": 0.14373727391612012,
  "tpm_overlap_gm": 0.4523981693905989,
  "tpm_overlap_wm": 0.49317486568731866,
  "wm2max": 0.905119673714715
}