{
  "bids_meta": {
    "AcquisitionMatrixPE": 320,
    "AcquisitionNumber": 1,
    "AcquisitionTime": "14:29:46.287500",
    "BaseResolution": 320,
    "BodyPartExamined": "BRAIN",
    "ConsistencyInfo": "N4_VE11C_LATEST_20160120",
    "ConversionSoftware": "dcm2niix",
    "ConversionSoftwareVersion": "v1.0.20180328 (OpenJPEG build) Clang8.1.0",
    "DeviceSerialNumber": "167047",
    "DwellTime": 2.3e-06,
    "EchoTime": 0.409,
    "EchoTrainLength": 266,
    "FlipAngle": 120,
    "ImageOrientationPatientDICOM": [
      -0.0269006,
      0.989204,
      0.144057,
      -0.0462534,
      0.142723,
      -0.988681
    ],
    "ImageType": [
      "ORIGINAL",
      "PRIMARY",
      "M",
      "NORM",
      "DIS2D"
    ],
    "InPlanePhaseEncodingDirectionDICOM": "ROW",
    "InstitutionAddress": "South_Kingshighway_510_Saint_Louis_MO_US_63110",
    "InstitutionName": "CCIR_PRISMA",
    "InstitutionalDepartmentName": "WP-MR30A",
    "MRAcquisitionType": "3D",
    "MagneticFieldStrength": 3,
    "Manufacturer": "Siemens",
    "ManufacturersModelName": "Prisma_fit",
    "Modality": "MR",
    "ParallelReductionFactorInPlane": 2,
    "PartialFourier": 1,
    "PatientPosition": "HFS",
    "PercentPhaseFOV": 100,
    "PhaseEncodingSteps": 261,
    "PhaseResolution": 1,
    "PixelBandwidth": 680,
    "ProcedureStepDescription": "CCIR-00900_CCIR-0986_Braver",
    "ProtocolName": "t2_spc_sag_p2_iso_0.8",
    "PulseSequenceDetails": "%SiemensSeq%_tse_vfl",
    "ReceiveCoilActiveElements": "HEA;HEP",
    "ReceiveCoilName": "Head_32",
    "ReconMatrixPE": 320,
    "RepetitionTime": 3,
    "SAR": 0.19199,
    "ScanOptions": "PFP",
    "ScanningSequence": "SE",
    "SequenceName": "_spcR_320ns",
    "SequenceVariant": "SK_SP",
    "SeriesDescription": "t2_spc_sag_p2_iso_0.8",
    "SeriesNumber": 8,
    "ShimSetting": [
      4593,
      7649,
      1620,
      340,
      12,
      -196,
      84,
      56
    ],
    "SliceThickness": 0.8,
    "SoftwareVersions": "syngo_MR_E11",
    "StationName": "CCIRWP-MR30A",
    "TxRefAmp": 276.498,
    "dataset": "ds001399",
    "modality": "T2w",
    "session_id": "01",
    "subject_id": "MOCCAG003"
  },
  "cjv": 0.5785251437476637,
  "cnr": 1.3509022827955524,
  "efc": 0.5772631884737663,
  "fber": 1468.9022015211533,
  "fwhm_avg": 2.577065637195348,
  "fwhm_x": 2.507184489429896,
  "fwhm_y": 2.7816499585501857,
  "fwhm_z": 2.442362463605963,
  "icvs_csf": 0.25471359084684825,
  "icvs_gm": 0.5791244021312358,
  "icvs_wm": 0.16616200702191591,
  "inu_med": 0.966542661190033,
  "inu_range": 0.26332702338695524,
  "provenance": {
    "md5sum": "ea7dd639cd61853dc96d4a985a434b8a",
    "settings": {
      "testing": false
    },
    "software": "mriqc",
    "version": "22.0.6",
    "warnings": {
      "large_rot_frame": true,
      "small_air_mask": false
    },
    "webapi_port": null,
    "webapi_url": "https://mriqc.nimh.nih.gov/api/v1"
  },
  "qi_1": 6.914271622341646e-06,
  "qi_2": 0.02861154881944338,
  "rpve_csf": 16.970179826431856,
  "rpve_gm": 10.277758056066757,
  "rpve_wm": 36.75298696044465,
  "size_x": 224,
  "size_y": 320,
  "size_z": 320,
  "snr_csf": 8.20911077922163,
  "snr_gm": 8.661328713154882,
  "snr_total": 6.364090527288721,
  "snr_wm": 2.2218320894896495,
  "snrd_csf": 55.145659267059905,
  "snrd_gm": 34.302791977736774,
  "snrd_total": 59.22906455743947,
  "snrd_wm": 88.23874242752174,
  "spacing_x": 0.7999969720840454,
  "spacing_y": 0.800000011920929,
  "spacing_z": 0.800000011920929,
  "summary_bg_k": 3.4418861793458992,
  "summary_bg_mad": 7.426982662297253,
  "summary_bg_mean": 9.152712552411693,
  "summary_bg_median": 5.009423680603504,
  "summary_bg_n": 3935020.0,
  "summary_bg_p05": 0.0,
  "summary_bg_p95": 34.71877798438072,
  "summary_bg_stdv": 12.28794367932322,
  "summary_csf_k": 1.9064042397302243,
  "summary_csf_mad": 66.18103362443097,
  "summary_csf_mean": 632.1351048590304,
  "summary_csf_median": 625.1611958630383,
  "summary_csf_n": 36465.0,
  "summary_csf_p05": 523.6831676401198,
  "summary_csf_p95": 768.9415751472114,
  "summary_csf_stdv": 76.15351291333785,
  "summary_gm_k": 0.1514689780098739,
  "summary_gm_mad": 44.63543045558844,
  "summary_gm_mean": 389.90079264886555,
  "summary_gm_median": 388.8751125521958,
  "summary_gm_n": 597373.0,
  "summary_gm_p05": 318.1232028454542,
  "summary_gm_p95": 464.81003982946277,
  "summary_gm_stdv": 44.89782110148373,
  "summary_wm_k": -1.0119560526806048,
  "summary_wm_mad": 309.10219426699507,
  "summary_wm_mean": 827.0270783792398,
  "summary_wm_median": 1000.3223911114037,
  "summary_wm_n": 83261.0,
  "summary_wm_p05": 45.67999217659235,
  "summary_wm_p95": 1320.6527162715793,
  "summary_wm_stdv": 450.2214135248112,
  "tpm_overlap_csf": 0.11095333097319375,
  "tpm_overlap_gm": 0.36922987629432397,
  "tpm_overlap_wm": 0.035540930913958206,
  "wm2max": 0.7682330775390954
}