{
  "aor": 0.003471935081148564,
  "aqi": 0.01761905573033708,
  "bids_meta": {
    "AcquisitionMatrixPE": 96,
    "AcquisitionNumber": 1,
    "AcquisitionTime": "14:44:43.760000",
    "BandwidthPerPixelPhaseEncode": 21.259,
    "BaseResolution": 96,
    "BodyPartExamined": "BRAIN",
    "ConsistencyInfo": "N4_VE11C_LATEST_20160120",
    "ConversionSoftware": "dcm2niix",
    "ConversionSoftwareVersion": "v1.0.20180328 (OpenJPEG build) Clang8.1.0",
    "DerivedVendorReportedEchoSpacing": 0.000489989,
    "DeviceSerialNumber": "167047",
    "DwellTime": 2e-06,
    "EchoTime": 0.03,
    "EchoTrainLength": 96,
    "EffectiveEchoSpacing": 0.000489989,
    "FlipAngle": 52,
    "ImageComments": "Unaliased_MB4_PE3_LB",
    "ImageOrientationPatientDICOM": [
      0.998569,
      0.0332019,
      -0.0419231,
      -0.0268461,
      0.989216,
      0.143983
    ],
    "ImageType": [
      "ORIGINAL",
      "PRIMARY",
      "M",
      "MB",
      "ND",
      "NORM",
      "MOSAIC"
    ],
    "InPlanePhaseEncodingDirectionDICOM": "COL",
    "InstitutionAddress": "South_Kingshighway_510_Saint_Louis_MO_US_63110",
    "InstitutionName": "CCIR_PRISMA",
    "InstitutionalDepartmentName": "WP-MR30A",
    "MRAcquisitionType": "2D",
    "MagneticFieldStrength": 3,
    "Manufacturer": "Siemens",
    "ManufacturersModelName": "Prisma_fit",
    "Modality": "MR",
    "MultibandAccelerationFactor": 4,
    "PartialFourier": 1,
    "PatientPosition": "HFS",
    "PercentPhaseFOV": 100,
    "PhaseEncodingDirection": "j-",
    "PhaseEncodingSteps": 96,
    "PhaseResolution": 1,
    "PixelBandwidth": 2605,
    "ProcedureStepDescription": "CCIR-00900_CCIR-0986_Braver",
    "ProtocolName": "CMRR_fMRI_TASK_AP_2.4mm_893meas",
    "PulseSequenceDetails": "%CustomerSeq%_cmrr_mbep2d_bold",
    "ReceiveCoilActiveElements": "HEA;HEP",
    "ReceiveCoilName": "Head_32",
    "ReconMatrixPE": 96,
    "RepetitionTime": 1.2,
    "SAR": 0.0616192,
    "ScanOptions": "FS_EXT",
    "ScanningSequence": "EP",
    "SequenceName": "epfid2d1_96",
    "SequenceVariant": "SK_SS",
    "SeriesDescription": "CMRR_fMRI_TASK_AP_2.4mm_893meas",
    "SeriesNumber": 15,
    "ShimSetting": [
      4589,
      7664,
      1628,
      357,
      -6,
      -147,
      68,
      58
    ],
    "SliceThickness": 2.4,
    "SliceTiming": [
      0,
      0.63,
      0.08,
      0.7075,
      0.1575,
      0.7875,
      0.235,
      0.865,
      0.315,
      0.945,
      0.3925,
      1.0225,
      0.4725,
      1.1025,
      0.55,
      0,
      0.63,
      0.08,
      0.7075,
      0.1575,
      0.7875,
      0.235,
      0.865,
      0.315,
      0.945,
      0.3925,
      1.0225,
      0.4725,
      1.1025,
      0.55,
      0,
      0.63,
      0.08,
      0.7075,
      0.1575,
      0.7875,
      0.235,
      0.865,
      0.315,
      0.945,
      0.3925,
      1.0225,
      0.4725,
      1.1025,
      0.55,
      0,
      0.63,
      0.08,
      0.7075,
      0.1575,
      0.7875,
      0.235,
      0.865,
      0.315,
      0.945,
      0.3925,
      1.0225,
      0.4725,
      1.1025,
      0.55
    ],
    "SoftwareVersions": "syngo_MR_E11",
    "SpacingBetweenSlices": 2.4,
    "StationName": "CCIRWP-MR30A",
    "TaskName": "delay",
    "TotalReadoutTime": 0.0465489,
    "TxRefAmp": 276.498,
    "acq_id": "multiband2p4flatAP",
    "dataset": "ds001399",
    "modality": "bold",
    "run_id": 1,
    "session_id": "01",
    "subject_id": "MOCCAG003",
    "task_id": "delay"
  },
  "dummy_trs": 5,
  "dvars_nstd": 37.39870642197495,
  "dvars_std": 1.2197737188250002,
  "dvars_vstd": 0.9907812873874994,
  "efc": 0.4918181855278545,
  "fber": 3699.8291015625,
  "fd_mean": 0.18059390877457493,
  "fd_num": 173,
  "fd_perc": 21.5980024968789,
  "fwhm_avg": 1.9445721827818072,
  "fwhm_x": 1.81756806029106,
  "fwhm_y": 2.1062233742139527,
  "fwhm_z": 1.909925113840408,
  "gcor": 0.0203701,
  "gsr_x": -0.013858958147466183,
  "gsr_y": 0.03496909886598587,
  "provenance": {
    "md5sum": "808a39fb5c81557bd2b4b2838d1e8d78",
    "settings": {
      "fd_thres": 0.2,
      "testing": false
    },
    "software": "mriqc",
    "version": "22.0.6",
    "webapi_port": null,
    "webapi_url": "https://mriqc.nimh.nih.gov/api/v1"
  },
  "size_t": 801,
  "size_x": 96,
  "size_y": 96,
  "size_z": 60,
  "snr": 5.272948985543513,
  "spacing_tr": 1.2000000476837158,
  "spacing_x": 2.3958332538604736,
  "spacing_y": 2.3958332538604736,
  "spacing_z": 2.3999998569488525,
  "summary_bg_k": 14.97779432005171,
  "summary_bg_mad": 87.72155502242417,
  "summary_bg_mean": 381.1726379394531,
  "summary_bg_median": 103.71160888671875,
  "summary_bg_n": 389787.0,
  "summary_bg_p05": 33.46941375732422,
  "summary_bg_p95": 1888.8236816406254,
  "summary_bg_stdv": 703.0314331054688,
  "summary_fg_k": 3.318827067091471,
  "summary_fg_mad": 1032.8061876366328,
  "summary_fg_mean": 6285.61474609375,
  "summary_fg_median": 6206.1025390625,
  "summary_fg_n": 89466.0,
  "summary_fg_p05": 4740.2559814453125,
  "summary_fg_p95": 8161.055908203125,
  "summary_fg_stdv": 1176.96337890625,
  "tsnr": 38.043298393604346
}