{
  "aor": 0.008425028901734103,
  "aqi": 0.014808288477842003,
  "bids_meta": {
    "AcquisitionMatrixPE": 76,
    "AcquisitionNumber": 1,
    "AcquisitionTime": "15:20:45.447500",
    "BandwidthPerPixelPhaseEncode": 26.853,
    "BaseResolution": 76,
    "BodyPartExamined": "BRAIN",
    "ConsistencyInfo": "N4_VE11C_LATEST_20160120",
    "ConversionSoftware": "dcm2niix",
    "ConversionSoftwareVersion": "v1.0.20180328 (OpenJPEG build) Clang8.1.0",
    "DerivedVendorReportedEchoSpacing": 0.000489997,
    "DeviceSerialNumber": "167047",
    "DwellTime": 2.5e-06,
    "EchoTime": 0.03,
    "EchoTrainLength": 76,
    "EffectiveEchoSpacing": 0.000489997,
    "FlipAngle": 52,
    "ImageComments": "Unaliased_MB2_PE2_LB",
    "ImageOrientationPatientDICOM": [
      0.998569,
      0.0332019,
      -0.0419231,
      -0.0268461,
      0.989216,
      0.143983
    ],
    "ImageType": [
      "ORIGINAL",
      "PRIMARY",
      "M",
      "MB",
      "ND",
      "NORM",
      "MOSAIC"
    ],
    "InPlanePhaseEncodingDirectionDICOM": "COL",
    "InstitutionAddress": "South_Kingshighway_510_Saint_Louis_MO_US_63110",
    "InstitutionName": "CCIR_PRISMA",
    "InstitutionalDepartmentName": "WP-MR30A",
    "MRAcquisitionType": "2D",
    "MagneticFieldStrength": 3,
    "Manufacturer": "Siemens",
    "ManufacturersModelName": "Prisma_fit",
    "Modality": "MR",
    "MultibandAccelerationFactor": 2,
    "PartialFourier": 1,
    "PatientPosition": "HFS",
    "PercentPhaseFOV": 100,
    "PhaseEncodingDirection": "j-",
    "PhaseEncodingSteps": 76,
    "PhaseResolution": 1,
    "PixelBandwidth": 2630,
    "ProcedureStepDescription": "CCIR-00900_CCIR-0986_Braver",
    "ProtocolName": "CMRR_fMRI_TASK_AP_3mm_596meas",
    "PulseSequenceDetails": "%CustomerSeq%_cmrr_mbep2d_bold",
    "ReceiveCoilActiveElements": "HEA;HEP",
    "ReceiveCoilName": "Head_32",
    "ReconMatrixPE": 76,
    "RepetitionTime": 1.8,
    "SAR": 0.0473033,
    "ScanOptions": "FS_EXT",
    "ScanningSequence": "EP",
    "SequenceName": "epfid2d1_76",
    "SequenceVariant": "SK_SS",
    "SeriesDescription": "CMRR_fMRI_TASK_AP_3mm_596meas",
    "SeriesNumber": 23,
    "ShimSetting": [
      4590,
      7662,
      1624,
      348,
      -3,
      -151,
      68,
      58
    ],
    "SliceThickness": 3,
    "SliceTiming": [
      0,
      1.3,
      0.82,
      0.3425,
      1.6425,
      1.1625,
      0.6825,
      0.205,
      1.505,
      1.025,
      0.5475,
      0.0675,
      1.3675,
      0.89,
      0.41,
      1.71,
      1.2325,
      0.7525,
      0.2725,
      1.5725,
      1.095,
      0.615,
      0.135,
      1.4375,
      0.9575,
      0.4775,
      0,
      1.3,
      0.82,
      0.3425,
      1.6425,
      1.1625,
      0.6825,
      0.205,
      1.505,
      1.025,
      0.5475,
      0.0675,
      1.3675,
      0.89,
      0.41,
      1.71,
      1.2325,
      0.7525,
      0.2725,
      1.5725,
      1.095,
      0.615,
      0.135,
      1.4375,
      0.9575,
      0.4775
    ],
    "SoftwareVersions": "syngo_MR_E11",
    "SpacingBetweenSlices": 3,
    "StationName": "CCIRWP-MR30A",
    "TaskName": "delay",
    "TotalReadoutTime": 0.0367498,
    "TxRefAmp": 276.498,
    "acq_id": "multiband3p0MB2AP",
    "dataset": "ds001399",
    "modality": "bold",
    "run_id": 2,
    "session_id": "01",
    "subject_id": "MOCCAG003",
    "task_id": "delay"
  },
  "dummy_trs": 0,
  "dvars_nstd": 30.455144480752907,
  "dvars_std": 1.260876471081081,
  "dvars_vstd": 0.9799259749420851,
  "efc": 0.47304066953506846,
  "fber": 4171.390625,
  "fd_mean": 0.19203415319039724,
  "fd_num": 129,
  "fd_perc": 24.85549132947977,
  "fwhm_avg": 1.7129211111111111,
  "fwhm_x": 1.6120999999999999,
  "fwhm_y": 1.8606933333333335,
  "fwhm_z": 1.66597,
  "gcor": 0.0306157,
  "gsr_x": -0.011156663298606873,
  "gsr_y": 0.03385256975889206,
  "provenance": {
    "md5sum": "ff596b53a37c2e1643b8249ad12e343a",
    "settings": {
      "fd_thres": 0.2,
      "testing": false
    },
    "software": "mriqc",
    "version": "22.0.6",
    "webapi_port": null,
    "webapi_url": "https://mriqc.nimh.nih.gov/api/v1"
  },
  "size_t": 519,
  "size_x": 76,
  "size_y": 76,
  "size_z": 52,
  "snr": 4.945095922801459,
  "spacing_tr": 1.7999999523162842,
  "spacing_x": 3.0,
  "spacing_y": 3.0,
  "spacing_z": 3.0,
  "summary_bg_k": 16.44286406016189,
  "summary_bg_mad": 83.27567978115916,
  "summary_bg_mean": 379.7027587890625,
  "summary_bg_median": 105.36223602294922,
  "summary_bg_n": 209554.0,
  "summary_bg_p05": 38.420618057250984,
  "summary_bg_p95": 1826.330560302732,
  "summary_bg_stdv": 692.5538330078125,
  "summary_fg_k": 3.9943160563477855,
  "summary_fg_mad": 1201.9589387967983,
  "summary_fg_mean": 6833.17919921875,
  "summary_fg_median": 6650.40087890625,
  "summary_fg_n": 42583.0,
  "summary_fg_p05": 5120.525830078125,
  "summary_fg_p95": 9103.80810546875,
  "summary_fg_stdv": 1344.8319091796875,
  "tsnr": 41.97694108542055
}